RESTRICTION: || (== net47) (== netstandard2.0)
NUGET
  remote: https://www.nuget.org/api/v2
    FAKE (4.64.3)
    FSharp.Compiler.Service (2.0.0.6)
    FSharp.Core (4.2.3)
      System.Collections (>= 4.0.11) - restriction: || (&& (== net47) (< net45) (>= netstandard1.6)) (== netstandard2.0)
      System.Console (>= 4.0) - restriction: || (&& (== net47) (< net45) (>= netstandard1.6)) (== netstandard2.0)
      System.Diagnostics.Debug (>= 4.0.11) - restriction: || (&& (== net47) (< net45) (>= netstandard1.6)) (== netstandard2.0)
      System.Diagnostics.Tools (>= 4.0.1) - restriction: || (&& (== net47) (< net45) (>= netstandard1.6)) (== netstandard2.0)
      System.Globalization (>= 4.0.11) - restriction: || (&& (== net47) (< net45) (>= netstandard1.6)) (== netstandard2.0)
      System.IO (>= 4.1) - restriction: || (&& (== net47) (< net45) (>= netstandard1.6)) (== netstandard2.0)
      System.Linq (>= 4.1) - restriction: || (&& (== net47) (< net45) (>= netstandard1.6)) (== netstandard2.0)
      System.Linq.Expressions (>= 4.1) - restriction: || (&& (== net47) (< net45) (>= netstandard1.6)) (== netstandard2.0)
      System.Linq.Queryable (>= 4.0.1) - restriction: || (&& (== net47) (< net45) (>= netstandard1.6)) (== netstandard2.0)
      System.Net.Requests (>= 4.0.11) - restriction: || (&& (== net47) (< net45) (>= netstandard1.6)) (== netstandard2.0)
      System.Reflection (>= 4.1) - restriction: || (&& (== net47) (< net45) (>= netstandard1.6)) (== netstandard2.0)
      System.Reflection.Extensions (>= 4.0.1) - restriction: || (&& (== net47) (< net45) (>= netstandard1.6)) (== netstandard2.0)
      System.Resources.ResourceManager (>= 4.0.1) - restriction: || (&& (== net47) (< net45) (>= netstandard1.6)) (== netstandard2.0)
      System.Runtime (>= 4.1) - restriction: || (&& (== net47) (< net45) (>= netstandard1.6)) (== netstandard2.0)
      System.Runtime.Extensions (>= 4.1) - restriction: || (&& (== net47) (< net45) (>= netstandard1.6)) (== netstandard2.0)
      System.Runtime.Numerics (>= 4.0.1) - restriction: || (&& (== net47) (< net45) (>= netstandard1.6)) (== netstandard2.0)
      System.Text.RegularExpressions (>= 4.1) - restriction: || (&& (== net47) (< net45) (>= netstandard1.6)) (== netstandard2.0)
      System.Threading (>= 4.0.11) - restriction: || (&& (== net47) (< net45) (>= netstandard1.6)) (== netstandard2.0)
      System.Threading.Tasks (>= 4.0.11) - restriction: || (&& (== net47) (< net45) (>= netstandard1.6)) (== netstandard2.0)
      System.Threading.Tasks.Parallel (>= 4.0.1) - restriction: || (&& (== net47) (< net45) (>= netstandard1.6)) (== netstandard2.0)
      System.Threading.Thread (>= 4.0) - restriction: || (&& (== net47) (< net45) (>= netstandard1.6)) (== netstandard2.0)
      System.Threading.ThreadPool (>= 4.0.10) - restriction: || (&& (== net47) (< net45) (>= netstandard1.6)) (== netstandard2.0)
      System.Threading.Timer (>= 4.0.1) - restriction: || (&& (== net47) (< net45) (>= netstandard1.6)) (== netstandard2.0)
    FSharp.Formatting (2.14.4)
      FSharp.Compiler.Service (2.0.0.6)
      FSharpVSPowerTools.Core (>= 2.3 < 2.4)
    FSharpVSPowerTools.Core (2.3)
      FSharp.Compiler.Service (>= 2.0.0.3)
    Microsoft.AspNet.WebApi.Client (5.2.3) - restriction: || (&& (== net47) (< net46) (>= netstandard2.0)) (== netstandard2.0)
    Microsoft.AspNetCore.Authentication.Abstractions (2.0.1) - restriction: || (&& (== net47) (>= netstandard2.0)) (== netstandard2.0)
      Microsoft.AspNetCore.Http.Abstractions (>= 2.0.1) - restriction: || (&& (== net47) (>= netstandard2.0)) (== netstandard2.0)
      Microsoft.Extensions.Logging.Abstractions (>= 2.0) - restriction: || (&& (== net47) (>= netstandard2.0)) (== netstandard2.0)
      Microsoft.Extensions.Options (>= 2.0) - restriction: || (&& (== net47) (>= netstandard2.0)) (== netstandard2.0)
    Microsoft.AspNetCore.Authentication.Core (2.0.1) - restriction: || (&& (== net47) (>= netstandard2.0)) (== netstandard2.0)
      Microsoft.AspNetCore.Authentication.Abstractions (>= 2.0.1) - restriction: || (&& (== net47) (>= netstandard2.0)) (== netstandard2.0)
      Microsoft.AspNetCore.Http (>= 2.0.1) - restriction: || (&& (== net47) (>= netstandard2.0)) (== netstandard2.0)
      Microsoft.AspNetCore.Http.Extensions (>= 2.0.1) - restriction: || (&& (== net47) (>= netstandard2.0)) (== netstandard2.0)
    Microsoft.AspNetCore.Authorization (2.0.1) - restriction: || (&& (== net47) (>= netstandard2.0)) (== netstandard2.0)
      Microsoft.Extensions.Logging.Abstractions (>= 2.0) - restriction: || (&& (== net47) (>= netstandard2.0)) (== netstandard2.0)
      Microsoft.Extensions.Options (>= 2.0) - restriction: || (&& (== net47) (>= netstandard2.0)) (== netstandard2.0)
    Microsoft.AspNetCore.Authorization.Policy (2.0.1) - restriction: || (&& (== net47) (>= netstandard2.0)) (== netstandard2.0)
      Microsoft.AspNetCore.Authentication.Abstractions (>= 2.0.1) - restriction: || (&& (== net47) (>= netstandard2.0)) (== netstandard2.0)
      Microsoft.AspNetCore.Authorization (>= 2.0.1) - restriction: || (&& (== net47) (>= netstandard2.0)) (== netstandard2.0)
    Microsoft.AspNetCore.Hosting.Abstractions (2.0.1) - restriction: || (&& (== net47) (>= netstandard2.0)) (== netstandard2.0)
      Microsoft.AspNetCore.Hosting.Server.Abstractions (>= 2.0.1) - restriction: || (&& (== net47) (>= netstandard2.0)) (== netstandard2.0)
      Microsoft.AspNetCore.Http.Abstractions (>= 2.0.1) - restriction: || (&& (== net47) (>= netstandard2.0)) (== netstandard2.0)
      Microsoft.Extensions.Configuration.Abstractions (>= 2.0) - restriction: || (&& (== net47) (>= netstandard2.0)) (== netstandard2.0)
      Microsoft.Extensions.DependencyInjection.Abstractions (>= 2.0) - restriction: || (&& (== net47) (>= netstandard2.0)) (== netstandard2.0)
      Microsoft.Extensions.FileProviders.Abstractions (>= 2.0) - restriction: || (&& (== net47) (>= netstandard2.0)) (== netstandard2.0)
      Microsoft.Extensions.Hosting.Abstractions (>= 2.0.1) - restriction: || (&& (== net47) (>= netstandard2.0)) (== netstandard2.0)
      Microsoft.Extensions.Logging.Abstractions (>= 2.0) - restriction: || (&& (== net47) (>= netstandard2.0)) (== netstandard2.0)
    Microsoft.AspNetCore.Hosting.Server.Abstractions (2.0.1) - restriction: || (&& (== net47) (>= netstandard2.0)) (== netstandard2.0)
      Microsoft.AspNetCore.Http.Features (>= 2.0.1) - restriction: || (&& (== net47) (>= netstandard2.0)) (== netstandard2.0)
      Microsoft.Extensions.Configuration.Abstractions (>= 2.0) - restriction: || (&& (== net47) (>= netstandard2.0)) (== netstandard2.0)
    Microsoft.AspNetCore.Http (2.0.1) - restriction: || (&& (== net47) (>= netstandard2.0)) (== netstandard2.0)
      Microsoft.AspNetCore.Http.Abstractions (>= 2.0.1) - restriction: || (&& (== net47) (>= netstandard2.0)) (== netstandard2.0)
      Microsoft.AspNetCore.WebUtilities (>= 2.0.1) - restriction: || (&& (== net47) (>= netstandard2.0)) (== netstandard2.0)
      Microsoft.Extensions.ObjectPool (>= 2.0) - restriction: || (&& (== net47) (>= netstandard2.0)) (== netstandard2.0)
      Microsoft.Extensions.Options (>= 2.0) - restriction: || (&& (== net47) (>= netstandard2.0)) (== netstandard2.0)
      Microsoft.Net.Http.Headers (>= 2.0.1) - restriction: || (&& (== net47) (>= netstandard2.0)) (== netstandard2.0)
    Microsoft.AspNetCore.Http.Abstractions (2.0.1) - restriction: || (&& (== net47) (>= netstandard2.0)) (== netstandard2.0)
      Microsoft.AspNetCore.Http.Features (>= 2.0.1) - restriction: || (&& (== net47) (>= netstandard2.0)) (== netstandard2.0)
      System.Text.Encodings.Web (>= 4.4) - restriction: || (&& (== net47) (>= netstandard2.0)) (== netstandard2.0)
    Microsoft.AspNetCore.Http.Extensions (2.0.1) - restriction: || (&& (== net47) (>= netstandard2.0)) (== netstandard2.0)
      Microsoft.AspNetCore.Http.Abstractions (>= 2.0.1) - restriction: || (&& (== net47) (>= netstandard2.0)) (== netstandard2.0)
      Microsoft.Extensions.FileProviders.Abstractions (>= 2.0) - restriction: || (&& (== net47) (>= netstandard2.0)) (== netstandard2.0)
      Microsoft.Net.Http.Headers (>= 2.0.1) - restriction: || (&& (== net47) (>= netstandard2.0)) (== netstandard2.0)
      System.Buffers (>= 4.4) - restriction: || (&& (== net47) (>= netstandard2.0)) (== netstandard2.0)
    Microsoft.AspNetCore.Http.Features (2.0.1) - restriction: || (&& (== net47) (>= netstandard2.0)) (== netstandard2.0)
      Microsoft.Extensions.Primitives (>= 2.0) - restriction: || (&& (== net47) (>= netstandard2.0)) (== netstandard2.0)
    Microsoft.AspNetCore.JsonPatch (2.0) - restriction: || (&& (== net47) (< net46) (>= netstandard2.0)) (== netstandard2.0)
      Microsoft.CSharp (>= 4.4) - restriction: || (&& (== net47) (>= netstandard2.0)) (== netstandard2.0)
      Newtonsoft.Json (>= 10.0.1) - restriction: || (&& (== net47) (>= netstandard2.0)) (== netstandard2.0)
    Microsoft.AspNetCore.Mvc.Abstractions (2.0.1) - restriction: || (&& (== net47) (>= netstandard2.0)) (== netstandard2.0)
      Microsoft.AspNetCore.Routing.Abstractions (>= 2.0.1) - restriction: || (&& (== net47) (>= netstandard2.0)) (== netstandard2.0)
      Microsoft.Net.Http.Headers (>= 2.0.1) - restriction: || (&& (== net47) (>= netstandard2.0)) (== netstandard2.0)
    Microsoft.AspNetCore.Mvc.Core (2.0.1)
      Microsoft.AspNetCore.Authentication.Core (>= 2.0.1) - restriction: || (&& (== net47) (>= netstandard2.0)) (== netstandard2.0)
      Microsoft.AspNetCore.Authorization.Policy (>= 2.0.1) - restriction: || (&& (== net47) (>= netstandard2.0)) (== netstandard2.0)
      Microsoft.AspNetCore.Hosting.Abstractions (>= 2.0.1) - restriction: || (&& (== net47) (>= netstandard2.0)) (== netstandard2.0)
      Microsoft.AspNetCore.Http (>= 2.0.1) - restriction: || (&& (== net47) (>= netstandard2.0)) (== netstandard2.0)
      Microsoft.AspNetCore.Http.Extensions (>= 2.0.1) - restriction: || (&& (== net47) (>= netstandard2.0)) (== netstandard2.0)
      Microsoft.AspNetCore.Mvc.Abstractions (>= 2.0.1) - restriction: || (&& (== net47) (>= netstandard2.0)) (== netstandard2.0)
      Microsoft.AspNetCore.ResponseCaching.Abstractions (>= 2.0.1) - restriction: || (&& (== net47) (>= netstandard2.0)) (== netstandard2.0)
      Microsoft.AspNetCore.Routing (>= 2.0.1) - restriction: || (&& (== net47) (>= netstandard2.0)) (== netstandard2.0)
      Microsoft.Extensions.DependencyModel (>= 2.0.3) - restriction: || (&& (== net47) (>= netstandard2.0)) (== netstandard2.0)
      Microsoft.Extensions.FileProviders.Abstractions (>= 2.0) - restriction: || (&& (== net47) (>= netstandard2.0)) (== netstandard2.0)
      Microsoft.Extensions.Logging.Abstractions (>= 2.0) - restriction: || (&& (== net47) (>= netstandard2.0)) (== netstandard2.0)
      System.Diagnostics.DiagnosticSource (>= 4.4.1) - restriction: || (&& (== net47) (>= netstandard2.0)) (== netstandard2.0)
    Microsoft.AspNetCore.Mvc.Formatters.Json (2.0.1) - restriction: || (&& (== net47) (< net46) (>= netstandard2.0)) (== netstandard2.0)
      Microsoft.AspNetCore.JsonPatch (>= 2.0) - restriction: || (&& (== net47) (>= netstandard2.0)) (== netstandard2.0)
      Microsoft.AspNetCore.Mvc.Core (>= 2.0.1) - restriction: || (&& (== net47) (>= netstandard2.0)) (== netstandard2.0)
    Microsoft.AspNetCore.Mvc.WebApiCompatShim (2.0.1) - restriction: || (&& (== net47) (< net46) (>= netstandard2.0)) (== netstandard2.0)
      Microsoft.AspNet.WebApi.Client (>= 5.2.2) - restriction: || (&& (== net47) (>= netstandard2.0)) (== netstandard2.0)
      Microsoft.AspNetCore.Mvc.Core (>= 2.0.1) - restriction: || (&& (== net47) (>= netstandard2.0)) (== netstandard2.0)
      Microsoft.AspNetCore.Mvc.Formatters.Json (>= 2.0.1) - restriction: || (&& (== net47) (>= netstandard2.0)) (== netstandard2.0)
      Microsoft.AspNetCore.WebUtilities (>= 2.0.1) - restriction: || (&& (== net47) (>= netstandard2.0)) (== netstandard2.0)
    Microsoft.AspNetCore.ResponseCaching.Abstractions (2.0.1) - restriction: || (&& (== net47) (>= netstandard2.0)) (== netstandard2.0)
      Microsoft.Extensions.Primitives (>= 2.0) - restriction: || (&& (== net47) (>= netstandard2.0)) (== netstandard2.0)
    Microsoft.AspNetCore.Routing (2.0.1) - restriction: || (&& (== net47) (>= netstandard2.0)) (== netstandard2.0)
      Microsoft.AspNetCore.Http.Extensions (>= 2.0.1) - restriction: || (&& (== net47) (>= netstandard2.0)) (== netstandard2.0)
      Microsoft.AspNetCore.Routing.Abstractions (>= 2.0.1) - restriction: || (&& (== net47) (>= netstandard2.0)) (== netstandard2.0)
      Microsoft.Extensions.Logging.Abstractions (>= 2.0) - restriction: || (&& (== net47) (>= netstandard2.0)) (== netstandard2.0)
      Microsoft.Extensions.ObjectPool (>= 2.0) - restriction: || (&& (== net47) (>= netstandard2.0)) (== netstandard2.0)
      Microsoft.Extensions.Options (>= 2.0) - restriction: || (&& (== net47) (>= netstandard2.0)) (== netstandard2.0)
    Microsoft.AspNetCore.Routing.Abstractions (2.0.1) - restriction: || (&& (== net47) (>= netstandard2.0)) (== netstandard2.0)
      Microsoft.AspNetCore.Http.Abstractions (>= 2.0.1) - restriction: || (&& (== net47) (>= netstandard2.0)) (== netstandard2.0)
    Microsoft.AspNetCore.WebUtilities (2.0.1) - restriction: || (&& (== net47) (>= netstandard2.0)) (== netstandard2.0)
      Microsoft.Net.Http.Headers (>= 2.0.1) - restriction: || (&& (== net47) (>= netstandard2.0)) (== netstandard2.0)
      System.Text.Encodings.Web (>= 4.4) - restriction: || (&& (== net47) (>= netstandard2.0)) (== netstandard2.0)
    Microsoft.Azure.WebJobs (3.0.0-beta4)
      Microsoft.Azure.WebJobs.Core (>= 3.0.0-beta4) - restriction: || (&& (== net47) (>= netstandard2.0)) (== netstandard2.0)
      Microsoft.Extensions.Configuration (>= 2.0) - restriction: || (&& (== net47) (>= netstandard2.0)) (== netstandard2.0)
      Microsoft.Extensions.Configuration.Abstractions (>= 2.0) - restriction: || (&& (== net47) (>= netstandard2.0)) (== netstandard2.0)
      Microsoft.Extensions.Configuration.EnvironmentVariables (>= 2.0) - restriction: || (&& (== net47) (>= netstandard2.0)) (== netstandard2.0)
      Microsoft.Extensions.Configuration.Json (>= 2.0) - restriction: || (&& (== net47) (>= netstandard2.0)) (== netstandard2.0)
      Microsoft.Extensions.Logging.Abstractions (>= 2.0) - restriction: || (&& (== net47) (>= netstandard2.0)) (== netstandard2.0)
      Newtonsoft.Json (>= 10.0.3) - restriction: || (&& (== net47) (>= netstandard2.0)) (== netstandard2.0)
      System.Threading.Tasks.Dataflow (>= 4.8) - restriction: || (&& (== net47) (>= netstandard2.0)) (== netstandard2.0)
      WindowsAzure.Storage (>= 8.6) - restriction: || (&& (== net47) (>= netstandard2.0)) (== netstandard2.0)
    Microsoft.Azure.WebJobs.Core (3.0.0-beta4) - restriction: || (&& (== net47) (>= netstandard2.0)) (== netstandard2.0)
      System.ComponentModel.Annotations (>= 4.4) - restriction: || (&& (== net47) (>= netstandard2.0)) (== netstandard2.0)
      System.Diagnostics.TraceSource (>= 4.3) - restriction: || (&& (== net47) (>= netstandard2.0)) (== netstandard2.0)
    Microsoft.Azure.WebJobs.Extensions (3.0.0-beta4)
      Microsoft.Azure.WebJobs (>= 3.0.0-beta4) - restriction: || (&& (== net47) (>= netstandard2.0)) (== netstandard2.0)
      ncrontab (>= 3.3) - restriction: || (&& (== net47) (>= netstandard2.0)) (== netstandard2.0)
    Microsoft.Azure.WebJobs.Extensions.Http (3.0.0-beta4) - restriction: || (&& (== net47) (< net46) (>= netstandard2.0)) (== netstandard2.0)
      Microsoft.AspNetCore.Http (>= 2.0.1) - restriction: || (&& (== net47) (>= netstandard2.0)) (== netstandard2.0)
      Microsoft.AspNetCore.Mvc.Formatters.Json (>= 2.0.1) - restriction: || (&& (== net47) (>= netstandard2.0)) (== netstandard2.0)
      Microsoft.AspNetCore.Mvc.WebApiCompatShim (>= 2.0.1) - restriction: || (&& (== net47) (>= netstandard2.0)) (== netstandard2.0)
      Microsoft.AspNetCore.Routing (>= 2.0.1) - restriction: || (&& (== net47) (>= netstandard2.0)) (== netstandard2.0)
      Microsoft.Azure.WebJobs.Extensions (>= 3.0.0-beta4) - restriction: || (&& (== net47) (>= netstandard2.0)) (== netstandard2.0)
      ncrontab (>= 3.3) - restriction: || (&& (== net47) (>= netstandard2.0)) (== netstandard2.0)
    Microsoft.CSharp (4.4.1) - restriction: || (&& (== net47) (< net20) (>= netstandard2.0)) (&& (== net47) (< net46) (>= netstandard2.0)) (== netstandard2.0)
    Microsoft.Data.Edm (5.8.3) - restriction: || (&& (== net47) (>= netstandard2.0)) (== netstandard2.0)
    Microsoft.Data.OData (5.8.3) - restriction: || (&& (== net47) (>= netstandard2.0)) (== netstandard2.0)
      Microsoft.Data.Edm (5.8.3)
      System.Spatial (5.8.3)
    Microsoft.DotNet.PlatformAbstractions (2.0.4) - restriction: || (&& (== net47) (>= netstandard2.0)) (== netstandard2.0)
      System.AppContext (>= 4.1) - restriction: || (&& (== net47) (< net45)) (== netstandard2.0)
      System.Collections (>= 4.0.11) - restriction: || (&& (== net47) (< net45)) (== netstandard2.0)
      System.IO (>= 4.1) - restriction: || (&& (== net47) (< net45)) (== netstandard2.0)
      System.IO.FileSystem (>= 4.0.1) - restriction: || (&& (== net47) (< net45)) (== netstandard2.0)
      System.Reflection.TypeExtensions (>= 4.1) - restriction: || (&& (== net47) (< net45)) (== netstandard2.0)
      System.Runtime.Extensions (>= 4.1) - restriction: || (&& (== net47) (< net45)) (== netstandard2.0)
      System.Runtime.InteropServices (>= 4.1) - restriction: || (&& (== net47) (< net45)) (== netstandard2.0)
      System.Runtime.InteropServices.RuntimeInformation (>= 4.0) - restriction: || (&& (== net47) (< net45)) (== netstandard2.0)
    Microsoft.Extensions.Configuration (2.0) - restriction: || (&& (== net47) (>= netstandard2.0)) (== netstandard2.0)
      Microsoft.Extensions.Configuration.Abstractions (>= 2.0) - restriction: || (&& (== net47) (>= netstandard2.0)) (== netstandard2.0)
    Microsoft.Extensions.Configuration.Abstractions (2.0) - restriction: || (&& (== net47) (>= netstandard2.0)) (== netstandard2.0)
      Microsoft.Extensions.Primitives (>= 2.0) - restriction: || (&& (== net47) (>= netstandard2.0)) (== netstandard2.0)
    Microsoft.Extensions.Configuration.EnvironmentVariables (2.0) - restriction: || (&& (== net47) (>= netstandard2.0)) (== netstandard2.0)
      Microsoft.Extensions.Configuration (>= 2.0) - restriction: || (&& (== net47) (>= netstandard2.0)) (== netstandard2.0)
    Microsoft.Extensions.Configuration.FileExtensions (2.0) - restriction: || (&& (== net47) (>= netstandard2.0)) (== netstandard2.0)
      Microsoft.Extensions.Configuration (>= 2.0) - restriction: || (&& (== net47) (>= netstandard2.0)) (== netstandard2.0)
      Microsoft.Extensions.FileProviders.Physical (>= 2.0) - restriction: || (&& (== net47) (>= netstandard2.0)) (== netstandard2.0)
    Microsoft.Extensions.Configuration.Json (2.0) - restriction: || (&& (== net47) (>= netstandard2.0)) (== netstandard2.0)
      Microsoft.Extensions.Configuration (>= 2.0) - restriction: || (&& (== net47) (>= netstandard2.0)) (== netstandard2.0)
      Microsoft.Extensions.Configuration.FileExtensions (>= 2.0) - restriction: || (&& (== net47) (>= netstandard2.0)) (== netstandard2.0)
      Newtonsoft.Json (>= 10.0.1) - restriction: || (&& (== net47) (>= netstandard2.0)) (== netstandard2.0)
    Microsoft.Extensions.DependencyInjection.Abstractions (2.0) - restriction: || (&& (== net47) (>= netstandard2.0)) (== netstandard2.0)
    Microsoft.Extensions.DependencyModel (2.0.4) - restriction: || (&& (== net47) (>= netstandard2.0)) (== netstandard2.0)
      Microsoft.DotNet.PlatformAbstractions (>= 2.0.4)
      Newtonsoft.Json (>= 9.0.1)
      System.Diagnostics.Debug (>= 4.0.11) - restriction: || (&& (== net47) (< net451)) (== netstandard2.0)
      System.Dynamic.Runtime (>= 4.0.11) - restriction: || (&& (== net47) (< net451)) (== netstandard2.0)
      System.Linq (>= 4.1) - restriction: || (&& (== net47) (< net451)) (== netstandard2.0)
    Microsoft.Extensions.FileProviders.Abstractions (2.0) - restriction: || (&& (== net47) (>= netstandard2.0)) (== netstandard2.0)
      Microsoft.Extensions.Primitives (>= 2.0) - restriction: || (&& (== net47) (>= netstandard2.0)) (== netstandard2.0)
    Microsoft.Extensions.FileProviders.Physical (2.0) - restriction: || (&& (== net47) (>= netstandard2.0)) (== netstandard2.0)
      Microsoft.Extensions.FileProviders.Abstractions (>= 2.0) - restriction: || (&& (== net47) (>= netstandard2.0)) (== netstandard2.0)
      Microsoft.Extensions.FileSystemGlobbing (>= 2.0) - restriction: || (&& (== net47) (>= netstandard2.0)) (== netstandard2.0)
    Microsoft.Extensions.FileSystemGlobbing (2.0) - restriction: || (&& (== net47) (>= netstandard2.0)) (== netstandard2.0)
    Microsoft.Extensions.Hosting.Abstractions (2.0.1) - restriction: || (&& (== net47) (>= netstandard2.0)) (== netstandard2.0)
    Microsoft.Extensions.Logging.Abstractions (2.0) - restriction: || (&& (== net47) (>= netstandard2.0)) (== netstandard2.0)
    Microsoft.Extensions.ObjectPool (2.0) - restriction: || (&& (== net47) (>= netstandard2.0)) (== netstandard2.0)
    Microsoft.Extensions.Options (2.0) - restriction: || (&& (== net47) (>= netstandard2.0)) (== netstandard2.0)
      Microsoft.Extensions.DependencyInjection.Abstractions (>= 2.0) - restriction: || (&& (== net47) (>= netstandard2.0)) (== netstandard2.0)
      Microsoft.Extensions.Primitives (>= 2.0) - restriction: || (&& (== net47) (>= netstandard2.0)) (== netstandard2.0)
    Microsoft.Extensions.Primitives (2.0) - restriction: || (&& (== net47) (>= netstandard2.0)) (== netstandard2.0)
      System.Runtime.CompilerServices.Unsafe (>= 4.4) - restriction: || (&& (== net47) (>= netstandard2.0)) (== netstandard2.0)
    Microsoft.Net.Http.Headers (2.0.1) - restriction: || (&& (== net47) (>= netstandard2.0)) (== netstandard2.0)
      Microsoft.Extensions.Primitives (>= 2.0) - restriction: || (&& (== net47) (>= netstandard2.0)) (== netstandard2.0)
      System.Buffers (>= 4.4) - restriction: || (&& (== net47) (>= netstandard2.0)) (== netstandard2.0)
    Microsoft.NET.Sdk.Functions (1.0.7)
      Microsoft.Azure.WebJobs (2.1.0-beta4) - restriction: || (== net47) (&& (== netstandard2.0) (>= net46))
      Microsoft.Azure.WebJobs (3.0.0-beta4) - restriction: || (&& (== net47) (< net46) (>= netstandard2.0)) (== netstandard2.0)
      Microsoft.Azure.WebJobs.Extensions (2.1.0-beta4) - restriction: || (== net47) (&& (== netstandard2.0) (>= net46))
      Microsoft.Azure.WebJobs.Extensions (3.0.0-beta4) - restriction: || (&& (== net47) (< net46) (>= netstandard2.0)) (== netstandard2.0)
      Microsoft.Azure.WebJobs.Extensions.Http (1.0.0-beta4) - restriction: || (== net47) (&& (== netstandard2.0) (>= net46))
      Microsoft.Azure.WebJobs.Extensions.Http (3.0.0-beta4) - restriction: || (&& (== net47) (< net46) (>= netstandard2.0)) (== netstandard2.0)
      Newtonsoft.Json (9.0.1) - restriction: || (== net47) (&& (== netstandard2.0) (>= net46))
      Newtonsoft.Json (10.0.3) - restriction: || (&& (== net47) (< net46) (>= netstandard2.0)) (== netstandard2.0)
      System.ValueTuple (>= 4.3) - restriction: || (== net47) (&& (== netstandard2.0) (>= net46))
    Microsoft.NETCore.Platforms (2.0.1) - restriction: || (&& (== net47) (>= monotouch)) (&& (== net47) (< net45)) (&& (== net47) (>= netcoreapp2.0)) (&& (== net47) (< netstandard1.0)) (&& (== net47) (< netstandard1.3) (>= wpa81)) (&& (== net47) (>= netstandard1.6) (< portable-net45+win8+wp8+wpa81)) (&& (== net47) (< portable-net45+win8+wpa81)) (&& (== net47) (>= uap10.0)) (&& (== net47) (>= xamarinios)) (&& (== net47) (>= xamarinmac)) (&& (== net47) (>= xamarintvos)) (&& (== net47) (>= xamarinwatchos)) (== netstandard2.0)
    Microsoft.NETCore.Targets (2.0) - restriction: || (&& (== net47) (< net45) (>= netstandard1.6)) (&& (== net47) (< net45) (>= netstandard2.0)) (&& (== net47) (< netstandard1.1) (>= netstandard1.6)) (&& (== net47) (>= netstandard1.6) (< portable-net45+win8+wp8+wpa81)) (&& (== net47) (>= netstandard2.0) (< portable-net45+win8+wpa81)) (== netstandard2.0)
    ncrontab (3.3) - restriction: || (&& (== net47) (>= netstandard2.0)) (== netstandard2.0)
      System.Collections (>= 4.0.11) - restriction: || (&& (== net47) (< net35)) (== netstandard2.0)
      System.Diagnostics.Debug (>= 4.0.11) - restriction: || (&& (== net47) (< net35)) (== netstandard2.0)
      System.Globalization (>= 4.0.11) - restriction: || (&& (== net47) (< net35)) (== netstandard2.0)
      System.IO (>= 4.1) - restriction: || (&& (== net47) (< net35)) (== netstandard2.0)
      System.Net.Primitives (>= 4.0.11) - restriction: || (&& (== net47) (< net35)) (== netstandard2.0)
      System.Resources.ResourceManager (>= 4.0.1) - restriction: || (&& (== net47) (< net35)) (== netstandard2.0)
    NETStandard.Library (2.0.1) - restriction: || (&& (== net47) (< net20) (>= netstandard2.0)) (&& (== net47) (< net45)) (== netstandard2.0)
      Microsoft.NETCore.Platforms (>= 1.1)
    Newtonsoft.Json (10.0.3) - restriction: || (&& (== net47) (>= netstandard2.0)) (== netstandard2.0)
      Microsoft.CSharp (>= 4.3) - restriction: || (&& (== net47) (< net20)) (== netstandard2.0)
      NETStandard.Library (>= 1.6.1) - restriction: || (&& (== net47) (< net20)) (== netstandard2.0)
      System.ComponentModel.TypeConverter (>= 4.3) - restriction: || (&& (== net47) (< net20)) (== netstandard2.0)
      System.Runtime.Serialization.Formatters (>= 4.3) - restriction: || (&& (== net47) (< net20)) (== netstandard2.0)
      System.Runtime.Serialization.Primitives (>= 4.3) - restriction: || (&& (== net47) (< net20)) (== netstandard2.0)
      System.Xml.XmlDocument (>= 4.3) - restriction: || (&& (== net47) (< net20)) (== netstandard2.0)
    Octokit (0.27)
      NETStandard.Library (>= 1.6.1) - restriction: || (&& (== net47) (< net45)) (== netstandard2.0)
    runtime.debian.8-x64.runtime.native.System.Security.Cryptography.OpenSsl (4.3.2) - restriction: || (&& (== net47) (< net45) (>= netstandard1.6)) (&& (== net47) (>= netstandard1.6) (< portable-net45+win8+wp8+wpa81)) (== netstandard2.0)
    runtime.fedora.23-x64.runtime.native.System.Security.Cryptography.OpenSsl (4.3.2) - restriction: || (&& (== net47) (< net45) (>= netstandard1.6)) (&& (== net47) (>= netstandard1.6) (< portable-net45+win8+wp8+wpa81)) (== netstandard2.0)
    runtime.fedora.24-x64.runtime.native.System.Security.Cryptography.OpenSsl (4.3.2) - restriction: || (&& (== net47) (< net45) (>= netstandard1.6)) (&& (== net47) (>= netstandard1.6) (< portable-net45+win8+wp8+wpa81)) (== netstandard2.0)
    runtime.native.System (4.3) - restriction: || (&& (== net47) (< net45) (>= netstandard1.6)) (&& (== net47) (< net46) (>= netstandard2.0)) (&& (== net47) (>= netstandard1.6) (< portable-net45+win8+wp8+wpa81)) (== netstandard2.0)
      Microsoft.NETCore.Platforms (>= 1.1)
      Microsoft.NETCore.Targets (>= 1.1)
    runtime.native.System.Net.Http (4.3) - restriction: || (&& (== net47) (< net45) (>= netstandard1.6)) (&& (== net47) (>= netstandard1.6) (< portable-net45+win8+wp8+wpa81)) (== netstandard2.0)
      Microsoft.NETCore.Platforms (>= 1.1)
      Microsoft.NETCore.Targets (>= 1.1)
    runtime.native.System.Security.Cryptography.Apple (4.3.1) - restriction: || (&& (== net47) (< net45) (>= netstandard1.6)) (&& (== net47) (>= netstandard1.6) (< portable-net45+win8+wp8+wpa81)) (== netstandard2.0)
      runtime.osx.10.10-x64.runtime.native.System.Security.Cryptography.Apple (>= 4.3.1)
    runtime.native.System.Security.Cryptography.OpenSsl (4.3.2) - restriction: || (&& (== net47) (< net45) (>= netstandard1.6)) (&& (== net47) (>= netstandard1.6) (< portable-net45+win8+wp8+wpa81)) (== netstandard2.0)
      runtime.debian.8-x64.runtime.native.System.Security.Cryptography.OpenSsl (>= 4.3.2)
      runtime.fedora.23-x64.runtime.native.System.Security.Cryptography.OpenSsl (>= 4.3.2)
      runtime.fedora.24-x64.runtime.native.System.Security.Cryptography.OpenSsl (>= 4.3.2)
      runtime.opensuse.13.2-x64.runtime.native.System.Security.Cryptography.OpenSsl (>= 4.3.2)
      runtime.opensuse.42.1-x64.runtime.native.System.Security.Cryptography.OpenSsl (>= 4.3.2)
      runtime.osx.10.10-x64.runtime.native.System.Security.Cryptography.OpenSsl (>= 4.3.2)
      runtime.rhel.7-x64.runtime.native.System.Security.Cryptography.OpenSsl (>= 4.3.2)
      runtime.ubuntu.14.04-x64.runtime.native.System.Security.Cryptography.OpenSsl (>= 4.3.2)
      runtime.ubuntu.16.04-x64.runtime.native.System.Security.Cryptography.OpenSsl (>= 4.3.2)
      runtime.ubuntu.16.10-x64.runtime.native.System.Security.Cryptography.OpenSsl (>= 4.3.2)
    runtime.opensuse.13.2-x64.runtime.native.System.Security.Cryptography.OpenSsl (4.3.2) - restriction: || (&& (== net47) (< net45) (>= netstandard1.6)) (&& (== net47) (>= netstandard1.6) (< portable-net45+win8+wp8+wpa81)) (== netstandard2.0)
    runtime.opensuse.42.1-x64.runtime.native.System.Security.Cryptography.OpenSsl (4.3.2) - restriction: || (&& (== net47) (< net45) (>= netstandard1.6)) (&& (== net47) (>= netstandard1.6) (< portable-net45+win8+wp8+wpa81)) (== netstandard2.0)
    runtime.osx.10.10-x64.runtime.native.System.Security.Cryptography.Apple (4.3.1) - restriction: || (&& (== net47) (< net45) (>= netstandard1.6)) (&& (== net47) (>= netstandard1.6) (< portable-net45+win8+wp8+wpa81)) (== netstandard2.0)
    runtime.osx.10.10-x64.runtime.native.System.Security.Cryptography.OpenSsl (4.3.2) - restriction: || (&& (== net47) (< net45) (>= netstandard1.6)) (&& (== net47) (>= netstandard1.6) (< portable-net45+win8+wp8+wpa81)) (== netstandard2.0)
    runtime.rhel.7-x64.runtime.native.System.Security.Cryptography.OpenSsl (4.3.2) - restriction: || (&& (== net47) (< net45) (>= netstandard1.6)) (&& (== net47) (>= netstandard1.6) (< portable-net45+win8+wp8+wpa81)) (== netstandard2.0)
    runtime.ubuntu.14.04-x64.runtime.native.System.Security.Cryptography.OpenSsl (4.3.2) - restriction: || (&& (== net47) (< net45) (>= netstandard1.6)) (&& (== net47) (>= netstandard1.6) (< portable-net45+win8+wp8+wpa81)) (== netstandard2.0)
    runtime.ubuntu.16.04-x64.runtime.native.System.Security.Cryptography.OpenSsl (4.3.2) - restriction: || (&& (== net47) (< net45) (>= netstandard1.6)) (&& (== net47) (>= netstandard1.6) (< portable-net45+win8+wp8+wpa81)) (== netstandard2.0)
    runtime.ubuntu.16.10-x64.runtime.native.System.Security.Cryptography.OpenSsl (4.3.2) - restriction: || (&& (== net47) (< net45) (>= netstandard1.6)) (&& (== net47) (>= netstandard1.6) (< portable-net45+win8+wp8+wpa81)) (== netstandard2.0)
    System.AppContext (4.3) - restriction: || (&& (== net47) (< net45) (>= netstandard2.0)) (== netstandard2.0)
      System.Runtime (>= 4.3) - restriction: || (&& (== net47) (< net46)) (&& (== net47) (< netstandard1.3)) (== netstandard2.0)
    System.Buffers (4.4) - restriction: || (&& (== net47) (>= netstandard2.0)) (== netstandard2.0)
    System.Collections (4.3) - restriction: || (&& (== net47) (< net20) (>= netstandard2.0)) (&& (== net47) (< net45) (>= netstandard1.6)) (&& (== net47) (< net45) (>= netstandard2.0)) (&& (== net47) (< net46) (>= netstandard2.0)) (&& (== net47) (>= netstandard1.6) (< portable-net45+win8+wp8+wpa81)) (== netstandard2.0)
      Microsoft.NETCore.Platforms (>= 1.1) - restriction: || (&& (== net47) (< net45)) (&& (== net47) (< portable-net45+win8+wp8+wpa81)) (== netstandard2.0)
      Microsoft.NETCore.Targets (>= 1.1) - restriction: || (&& (== net47) (< net45)) (&& (== net47) (< portable-net45+win8+wp8+wpa81)) (== netstandard2.0)
      System.Runtime (>= 4.3) - restriction: || (&& (== net47) (< net45)) (&& (== net47) (< portable-net45+win8+wp8+wpa81)) (== netstandard2.0)
    System.Collections.Concurrent (4.3) - restriction: || (&& (== net47) (< net45) (>= netstandard1.6)) (&& (== net47) (>= netstandard1.6) (< portable-net45+win8+wpa81)) (== netstandard2.0)
      System.Collections (>= 4.3) - restriction: || (&& (== net47) (< net45)) (&& (== net47) (< portable-net45+win8+wpa81)) (== netstandard2.0)
      System.Diagnostics.Debug (>= 4.3) - restriction: || (&& (== net47) (< net45)) (&& (== net47) (< portable-net45+win8+wpa81)) (== netstandard2.0)
      System.Diagnostics.Tracing (>= 4.3) - restriction: || (&& (== net47) (< net45)) (&& (== net47) (< portable-net45+win8+wpa81)) (== netstandard2.0)
      System.Globalization (>= 4.3) - restriction: || (&& (== net47) (< net45)) (&& (== net47) (< portable-net45+win8+wpa81)) (== netstandard2.0)
      System.Reflection (>= 4.3) - restriction: || (&& (== net47) (< net45)) (== netstandard2.0)
      System.Resources.ResourceManager (>= 4.3) - restriction: || (&& (== net47) (< net45)) (&& (== net47) (< portable-net45+win8+wpa81)) (== netstandard2.0)
      System.Runtime (>= 4.3) - restriction: || (&& (== net47) (< net45)) (&& (== net47) (< portable-net45+win8+wpa81)) (== netstandard2.0)
      System.Runtime.Extensions (>= 4.3) - restriction: || (&& (== net47) (< net45)) (&& (== net47) (< portable-net45+win8+wpa81)) (== netstandard2.0)
      System.Threading (>= 4.3) - restriction: || (&& (== net47) (< net45)) (&& (== net47) (< portable-net45+win8+wpa81)) (== netstandard2.0)
      System.Threading.Tasks (>= 4.3) - restriction: || (&& (== net47) (< net45)) (&& (== net47) (< portable-net45+win8+wpa81)) (== netstandard2.0)
    System.Collections.NonGeneric (4.3) - restriction: || (&& (== net47) (< net20) (>= netstandard2.0)) (== netstandard2.0)
      System.Diagnostics.Debug (>= 4.3) - restriction: || (&& (== net47) (< net46)) (== netstandard2.0)
      System.Globalization (>= 4.3) - restriction: || (&& (== net47) (< net46)) (== netstandard2.0)
      System.Resources.ResourceManager (>= 4.3) - restriction: || (&& (== net47) (< net46)) (== netstandard2.0)
      System.Runtime (>= 4.3) - restriction: || (&& (== net47) (< net46)) (== netstandard2.0)
      System.Runtime.Extensions (>= 4.3) - restriction: || (&& (== net47) (< net46)) (== netstandard2.0)
      System.Threading (>= 4.3) - restriction: || (&& (== net47) (< net46)) (== netstandard2.0)
    System.Collections.Specialized (4.3) - restriction: || (&& (== net47) (< net20) (>= netstandard2.0)) (== netstandard2.0)
      System.Collections.NonGeneric (>= 4.3) - restriction: || (&& (== net47) (< net46)) (== netstandard2.0)
      System.Globalization (>= 4.3) - restriction: || (&& (== net47) (< net46)) (== netstandard2.0)
      System.Globalization.Extensions (>= 4.3) - restriction: || (&& (== net47) (< net46)) (== netstandard2.0)
      System.Resources.ResourceManager (>= 4.3) - restriction: || (&& (== net47) (< net46)) (== netstandard2.0)
      System.Runtime (>= 4.3) - restriction: || (&& (== net47) (< net46)) (== netstandard2.0)
      System.Runtime.Extensions (>= 4.3) - restriction: || (&& (== net47) (< net46)) (== netstandard2.0)
      System.Threading (>= 4.3) - restriction: || (&& (== net47) (< net46)) (== netstandard2.0)
    System.ComponentModel (4.3) - restriction: || (&& (== net47) (< net20) (>= netstandard2.0)) (== netstandard2.0)
      System.Runtime (>= 4.3) - restriction: || (&& (== net47) (< net45)) (&& (== net47) (< portable-net45+win8+wp8+wpa81)) (== netstandard2.0)
    System.ComponentModel.Annotations (4.4.1) - restriction: || (&& (== net47) (>= netstandard2.0)) (== netstandard2.0)
    System.ComponentModel.Primitives (4.3) - restriction: || (&& (== net47) (< net20) (>= netstandard2.0)) (&& (== net47) (< netstandard1.0) (>= netstandard2.0) (>= win8)) (&& (== net47) (>= netstandard2.0) (>= wp8)) (&& (== net47) (>= netstandard2.0) (>= wpa81)) (== netstandard2.0)
      System.ComponentModel (>= 4.3) - restriction: || (&& (== net47) (< net45)) (== netstandard2.0)
      System.Resources.ResourceManager (>= 4.3) - restriction: || (&& (== net47) (< net45)) (== netstandard2.0)
      System.Runtime (>= 4.3) - restriction: || (&& (== net47) (< net45)) (== netstandard2.0)
    System.ComponentModel.TypeConverter (4.3) - restriction: || (&& (== net47) (< net20) (>= netstandard2.0)) (== netstandard2.0)
      System.Collections (>= 4.3) - restriction: || (&& (== net47) (< net45)) (== netstandard2.0)
      System.Collections.NonGeneric (>= 4.3)
      System.Collections.Specialized (>= 4.3) - restriction: || (&& (== net47) (< net45)) (== netstandard2.0)
      System.ComponentModel (>= 4.3) - restriction: || (&& (== net47) (< net45)) (== netstandard2.0)
      System.ComponentModel.Primitives (>= 4.3)
      System.Globalization (>= 4.3) - restriction: || (&& (== net47) (< net45)) (== netstandard2.0)
      System.Linq (>= 4.3) - restriction: || (&& (== net47) (< net45)) (== netstandard2.0)
      System.Reflection (>= 4.3) - restriction: || (&& (== net47) (< net45)) (== netstandard2.0)
      System.Reflection.Extensions (>= 4.3) - restriction: || (&& (== net47) (< net45)) (== netstandard2.0)
      System.Reflection.Primitives (>= 4.3) - restriction: || (&& (== net47) (< net45)) (== netstandard2.0)
      System.Reflection.TypeExtensions (>= 4.3) - restriction: || (&& (== net47) (< net45)) (== netstandard2.0)
      System.Resources.ResourceManager (>= 4.3) - restriction: || (&& (== net47) (< net45)) (== netstandard2.0)
      System.Runtime (>= 4.3) - restriction: || (&& (== net47) (< net45)) (== netstandard2.0)
      System.Runtime.Extensions (>= 4.3) - restriction: || (&& (== net47) (< net45)) (== netstandard2.0)
      System.Threading (>= 4.3) - restriction: || (&& (== net47) (< net45)) (== netstandard2.0)
    System.Console (4.3) - restriction: || (&& (== net47) (< net45) (>= netstandard1.6)) (== netstandard2.0)
      Microsoft.NETCore.Platforms (>= 1.1) - restriction: || (&& (== net47) (< net46)) (== netstandard2.0)
      Microsoft.NETCore.Targets (>= 1.1) - restriction: || (&& (== net47) (< net46)) (== netstandard2.0)
      System.IO (>= 4.3) - restriction: || (&& (== net47) (< net46)) (== netstandard2.0)
      System.Runtime (>= 4.3) - restriction: || (&& (== net47) (< net46)) (== netstandard2.0)
      System.Text.Encoding (>= 4.3) - restriction: || (&& (== net47) (< net46)) (== netstandard2.0)
    System.Diagnostics.Debug (4.3) - restriction: || (&& (== net47) (< net20) (>= netstandard2.0)) (&& (== net47) (< net45) (>= netstandard1.6)) (&& (== net47) (< net45) (>= netstandard2.0)) (&& (== net47) (< net46) (>= netstandard2.0)) (&& (== net47) (>= netstandard1.6) (< portable-net45+win8+wp8+wpa81)) (&& (== net47) (>= netstandard1.6) (< portable-net45+win8+wpa81)) (== netstandard2.0)
      Microsoft.NETCore.Platforms (>= 1.1) - restriction: || (&& (== net47) (< net45)) (&& (== net47) (< portable-net45+win8+wp8+wpa81)) (== netstandard2.0)
      Microsoft.NETCore.Targets (>= 1.1) - restriction: || (&& (== net47) (< net45)) (&& (== net47) (< portable-net45+win8+wp8+wpa81)) (== netstandard2.0)
      System.Runtime (>= 4.3) - restriction: || (&& (== net47) (< net45)) (&& (== net47) (< portable-net45+win8+wp8+wpa81)) (== netstandard2.0)
    System.Diagnostics.DiagnosticSource (4.4.1) - restriction: || (&& (== net47) (>= netstandard2.0)) (== netstandard2.0)
      System.Collections (>= 4.3) - restriction: || (&& (== net47) (< net45)) (== netstandard2.0)
      System.Diagnostics.Debug (>= 4.3) - restriction: || (&& (== net47) (< net45)) (== netstandard2.0)
      System.Diagnostics.Tracing (>= 4.3) - restriction: || (&& (== net47) (< net45)) (== netstandard2.0)
      System.Reflection (>= 4.3) - restriction: || (&& (== net47) (< net45)) (== netstandard2.0)
      System.Runtime (>= 4.3) - restriction: || (&& (== net47) (< net45)) (== netstandard2.0)
      System.Runtime.Extensions (>= 4.3) - restriction: || (&& (== net47) (< net45)) (== netstandard2.0)
      System.Threading (>= 4.3) - restriction: || (&& (== net47) (< net45)) (== netstandard2.0)
    System.Diagnostics.Tools (4.3) - restriction: || (&& (== net47) (< net45) (>= netstandard1.6)) (== netstandard2.0)
      Microsoft.NETCore.Platforms (>= 1.1) - restriction: || (&& (== net47) (< net45)) (&& (== net47) (< portable-net45+win8+wp8+wpa81)) (== netstandard2.0)
      Microsoft.NETCore.Targets (>= 1.1) - restriction: || (&& (== net47) (< net45)) (&& (== net47) (< portable-net45+win8+wp8+wpa81)) (== netstandard2.0)
      System.Runtime (>= 4.3) - restriction: || (&& (== net47) (< net45)) (&& (== net47) (< portable-net45+win8+wp8+wpa81)) (== netstandard2.0)
    System.Diagnostics.TraceSource (4.3) - restriction: || (&& (== net47) (>= netstandard2.0)) (== netstandard2.0)
      Microsoft.NETCore.Platforms (>= 1.1) - restriction: || (&& (== net47) (< net46)) (== netstandard2.0)
      runtime.native.System (>= 4.3) - restriction: || (&& (== net47) (< net46)) (== netstandard2.0)
      System.Collections (>= 4.3) - restriction: || (&& (== net47) (< net46)) (== netstandard2.0)
      System.Diagnostics.Debug (>= 4.3) - restriction: || (&& (== net47) (< net46)) (== netstandard2.0)
      System.Globalization (>= 4.3) - restriction: || (&& (== net47) (< net46)) (== netstandard2.0)
      System.Resources.ResourceManager (>= 4.3) - restriction: || (&& (== net47) (< net46)) (== netstandard2.0)
      System.Runtime (>= 4.3) - restriction: || (&& (== net47) (< net46)) (== netstandard2.0)
      System.Runtime.Extensions (>= 4.3) - restriction: || (&& (== net47) (< net46)) (== netstandard2.0)
      System.Threading (>= 4.3) - restriction: || (&& (== net47) (< net46)) (== netstandard2.0)
    System.Diagnostics.Tracing (4.3) - restriction: || (&& (== net47) (< net45) (>= netstandard1.6)) (&& (== net47) (< net45) (>= netstandard2.0)) (&& (== net47) (>= netstandard1.6) (< portable-net45+win8+wp8+wpa81)) (&& (== net47) (>= netstandard1.6) (< portable-net45+win8+wpa81)) (== netstandard2.0)
      Microsoft.NETCore.Platforms (>= 1.1) - restriction: || (&& (== net47) (< net45)) (&& (== net47) (< portable-net45+win8+wpa81)) (== netstandard2.0)
      Microsoft.NETCore.Targets (>= 1.1) - restriction: || (&& (== net47) (< net45)) (&& (== net47) (< portable-net45+win8+wpa81)) (== netstandard2.0)
      System.Runtime (>= 4.3) - restriction: || (&& (== net47) (< net45)) (&& (== net47) (< portable-net45+win8+wpa81)) (== netstandard2.0)
    System.Dynamic.Runtime (4.3) - restriction: || (&& (== net47) (< net451) (>= netstandard2.0)) (== netstandard2.0)
      System.Collections (>= 4.3) - restriction: || (&& (== net47) (< net45)) (&& (== net47) (< portable-net45+win8+wp8+wpa81)) (== netstandard2.0)
      System.Diagnostics.Debug (>= 4.3) - restriction: || (&& (== net47) (< net45)) (&& (== net47) (< portable-net45+win8+wp8+wpa81)) (== netstandard2.0)
      System.Linq (>= 4.3) - restriction: || (&& (== net47) (< net45)) (&& (== net47) (< portable-net45+win8+wp8+wpa81)) (== netstandard2.0)
      System.Linq.Expressions (>= 4.3) - restriction: || (&& (== net47) (< net45)) (&& (== net47) (< portable-net45+win8+wp8+wpa81)) (== netstandard2.0)
      System.ObjectModel (>= 4.3) - restriction: || (&& (== net47) (< net45)) (&& (== net47) (< portable-net45+win8+wp8+wpa81)) (== netstandard2.0)
      System.Reflection (>= 4.3) - restriction: || (&& (== net47) (< net45)) (&& (== net47) (< portable-net45+win8+wp8+wpa81)) (== netstandard2.0)
      System.Reflection.Emit (>= 4.3) - restriction: || (&& (== net47) (< net45)) (== netstandard2.0)
      System.Reflection.Emit.ILGeneration (>= 4.3) - restriction: || (&& (== net47) (< net45)) (== netstandard2.0)
      System.Reflection.Primitives (>= 4.3) - restriction: || (&& (== net47) (< net45)) (== netstandard2.0)
      System.Reflection.TypeExtensions (>= 4.3) - restriction: || (&& (== net47) (< net45)) (&& (== net47) (< portable-net45+win8+wp8+wpa81)) (== netstandard2.0)
      System.Resources.ResourceManager (>= 4.3) - restriction: || (&& (== net47) (< net45)) (&& (== net47) (< portable-net45+win8+wp8+wpa81)) (== netstandard2.0)
      System.Runtime (>= 4.3) - restriction: || (&& (== net47) (< net45)) (&& (== net47) (< portable-net45+win8+wp8+wpa81)) (== netstandard2.0)
      System.Runtime.Extensions (>= 4.3) - restriction: || (&& (== net47) (< net45)) (&& (== net47) (< portable-net45+win8+wp8+wpa81)) (== netstandard2.0)
      System.Threading (>= 4.3) - restriction: || (&& (== net47) (< net45)) (&& (== net47) (< portable-net45+win8+wp8+wpa81)) (== netstandard2.0)
    System.Globalization (4.3) - restriction: || (&& (== net47) (< net20) (>= netstandard2.0)) (&& (== net47) (< net45) (>= netstandard1.6)) (&& (== net47) (< net46) (>= netstandard2.0)) (&& (== net47) (>= netstandard1.6) (< portable-net45+win8+wp8+wpa81)) (&& (== net47) (>= netstandard1.6) (< portable-net45+win8+wpa81)) (== netstandard2.0)
      Microsoft.NETCore.Platforms (>= 1.1) - restriction: || (&& (== net47) (< net45)) (&& (== net47) (< portable-net45+win8+wp8+wpa81)) (== netstandard2.0)
      Microsoft.NETCore.Targets (>= 1.1) - restriction: || (&& (== net47) (< net45)) (&& (== net47) (< portable-net45+win8+wp8+wpa81)) (== netstandard2.0)
      System.Runtime (>= 4.3) - restriction: || (&& (== net47) (< net45)) (&& (== net47) (< portable-net45+win8+wp8+wpa81)) (== netstandard2.0)
    System.Globalization.Calendars (4.3) - restriction: || (&& (== net47) (< net45) (>= netstandard1.6)) (&& (== net47) (>= netstandard1.6) (< portable-net45+win8+wp8+wpa81)) (&& (== net47) (>= netstandard1.6) (< portable-net45+win8+wpa81)) (== netstandard2.0)
      Microsoft.NETCore.Platforms (>= 1.1) - restriction: || (&& (== net47) (< net46)) (== netstandard2.0)
      Microsoft.NETCore.Targets (>= 1.1) - restriction: || (&& (== net47) (< net46)) (== netstandard2.0)
      System.Globalization (>= 4.3) - restriction: || (&& (== net47) (< net46)) (== netstandard2.0)
      System.Runtime (>= 4.3) - restriction: || (&& (== net47) (< net46)) (== netstandard2.0)
    System.Globalization.Extensions (4.3) - restriction: || (&& (== net47) (< net20) (>= netstandard2.0)) (&& (== net47) (< net45) (>= netstandard1.6)) (&& (== net47) (>= netstandard1.6) (< portable-net45+win8+wp8+wpa81)) (== netstandard2.0)
      Microsoft.NETCore.Platforms (>= 1.1) - restriction: || (&& (== net47) (< net46)) (== netstandard2.0)
      System.Globalization (>= 4.3) - restriction: || (&& (== net47) (< net46)) (== netstandard2.0)
      System.Resources.ResourceManager (>= 4.3) - restriction: || (&& (== net47) (< net46)) (== netstandard2.0)
      System.Runtime (>= 4.3) - restriction: || (&& (== net47) (< net46)) (== netstandard2.0)
      System.Runtime.Extensions (>= 4.3) - restriction: || (&& (== net47) (< net46)) (== netstandard2.0)
      System.Runtime.InteropServices (>= 4.3) - restriction: || (&& (== net47) (< net46)) (== netstandard2.0)
    System.IO (4.3) - restriction: || (&& (== net47) (< net20) (>= netstandard2.0)) (&& (== net47) (< net45) (>= netstandard1.6)) (&& (== net47) (< netstandard1.1) (>= netstandard1.6)) (&& (== net47) (>= netstandard1.6) (< portable-net45+win8+wp8+wpa81)) (== netstandard2.0)
      Microsoft.NETCore.Platforms (>= 1.1) - restriction: || (&& (== net47) (< net45)) (&& (== net47) (< portable-net45+win8+wp8+wpa81)) (== netstandard2.0)
      Microsoft.NETCore.Targets (>= 1.1) - restriction: || (&& (== net47) (< net45)) (&& (== net47) (< portable-net45+win8+wp8+wpa81)) (== netstandard2.0)
      System.Runtime (>= 4.3) - restriction: || (&& (== net47) (< net45)) (&& (== net47) (< portable-net45+win8+wp8+wpa81)) (== netstandard2.0)
      System.Text.Encoding (>= 4.3) - restriction: || (&& (== net47) (< net45)) (&& (== net47) (< portable-net45+win8+wp8+wpa81)) (== netstandard2.0)
      System.Threading.Tasks (>= 4.3) - restriction: || (&& (== net47) (< net45)) (&& (== net47) (< portable-net45+win8+wp8+wpa81)) (== netstandard2.0)
    System.IO.FileSystem (4.3) - restriction: || (&& (== net47) (< net45) (>= netstandard1.6)) (&& (== net47) (< net45) (>= netstandard2.0)) (&& (== net47) (>= netstandard1.6) (< portable-net45+win8+wp8+wpa81)) (== netstandard2.0)
      Microsoft.NETCore.Platforms (>= 1.1) - restriction: || (&& (== net47) (< net46)) (== netstandard2.0)
      Microsoft.NETCore.Targets (>= 1.1) - restriction: || (&& (== net47) (< net46)) (== netstandard2.0)
      System.IO (>= 4.3) - restriction: || (&& (== net47) (< net46)) (== netstandard2.0)
      System.IO.FileSystem.Primitives (>= 4.3)
      System.Runtime (>= 4.3) - restriction: || (&& (== net47) (< net46)) (== netstandard2.0)
      System.Runtime.Handles (>= 4.3) - restriction: || (&& (== net47) (< net46)) (== netstandard2.0)
      System.Text.Encoding (>= 4.3) - restriction: || (&& (== net47) (< net46)) (== netstandard2.0)
      System.Threading.Tasks (>= 4.3) - restriction: || (&& (== net47) (< net46)) (== netstandard2.0)
    System.IO.FileSystem.Primitives (4.3) - restriction: || (&& (== net47) (< net20) (>= netstandard2.0)) (&& (== net47) (< net45) (>= netstandard1.6)) (&& (== net47) (>= netstandard1.6) (< portable-net45+win8+wp8+wpa81)) (&& (== net47) (>= netstandard1.6) (< portable-net45+win8+wpa81)) (== netstandard2.0)
      System.Runtime (>= 4.3) - restriction: || (&& (== net47) (< net46)) (== netstandard2.0)
    System.Linq (4.3) - restriction: || (&& (== net47) (< net20) (>= netstandard2.0)) (&& (== net47) (< net45) (>= netstandard1.6)) (&& (== net47) (>= netstandard1.6) (< portable-net45+win8+wp8+wpa81)) (== netstandard2.0)
      System.Collections (>= 4.3) - restriction: || (&& (== net47) (< net45)) (&& (== net47) (< portable-net45+win8+wp8+wpa81)) (== netstandard2.0)
      System.Diagnostics.Debug (>= 4.3) - restriction: || (&& (== net47) (< net45) (>= netstandard1.6)) (&& (== net47) (< portable-net45+win8+wp8+wpa81)) (== netstandard2.0)
      System.Resources.ResourceManager (>= 4.3) - restriction: || (&& (== net47) (< net45) (>= netstandard1.6)) (&& (== net47) (< portable-net45+win8+wp8+wpa81)) (== netstandard2.0)
      System.Runtime (>= 4.3) - restriction: || (&& (== net47) (< net45)) (&& (== net47) (< portable-net45+win8+wp8+wpa81)) (== netstandard2.0)
      System.Runtime.Extensions (>= 4.3) - restriction: || (&& (== net47) (< net45) (>= netstandard1.6)) (&& (== net47) (< portable-net45+win8+wp8+wpa81)) (== netstandard2.0)
    System.Linq.Expressions (4.3) - restriction: || (&& (== net47) (< net45) (>= netstandard1.6)) (&& (== net47) (>= netstandard1.6) (< portable-net45+win8+wp8+wpa81)) (== netstandard2.0)
      System.Collections (>= 4.3) - restriction: || (&& (== net47) (< net45) (>= netstandard1.6)) (&& (== net47) (< portable-net45+win8+wp8+wpa81)) (== netstandard2.0)
      System.Diagnostics.Debug (>= 4.3) - restriction: || (&& (== net47) (< net45) (>= netstandard1.6)) (&& (== net47) (< portable-net45+win8+wp8+wpa81)) (== netstandard2.0)
      System.Globalization (>= 4.3) - restriction: || (&& (== net47) (< net45) (>= netstandard1.6)) (&& (== net47) (< portable-net45+win8+wp8+wpa81)) (== netstandard2.0)
      System.IO (>= 4.3) - restriction: || (&& (== net47) (< net45) (>= netstandard1.6)) (&& (== net47) (< portable-net45+win8+wp8+wpa81)) (== netstandard2.0)
      System.Linq (>= 4.3) - restriction: || (&& (== net47) (< net45) (>= netstandard1.6)) (&& (== net47) (< portable-net45+win8+wp8+wpa81)) (== netstandard2.0)
      System.ObjectModel (>= 4.3) - restriction: || (&& (== net47) (< net45) (>= netstandard1.6)) (== netstandard2.0)
      System.Reflection (>= 4.3) - restriction: || (&& (== net47) (< net45)) (&& (== net47) (< portable-net45+win8+wp8+wpa81)) (== netstandard2.0)
      System.Reflection.Emit (>= 4.3) - restriction: || (&& (== net47) (< net45) (>= netstandard1.6)) (== netstandard2.0)
      System.Reflection.Emit.ILGeneration (>= 4.3) - restriction: || (&& (== net47) (< net45) (>= netstandard1.6)) (&& (== net47) (< portable-net45+win8+wp8+wpa81)) (== netstandard2.0)
      System.Reflection.Emit.Lightweight (>= 4.3) - restriction: || (&& (== net47) (< net45) (>= netstandard1.6)) (&& (== net47) (< portable-net45+win8+wp8+wpa81)) (== netstandard2.0)
      System.Reflection.Extensions (>= 4.3) - restriction: || (&& (== net47) (< net45) (>= netstandard1.6)) (&& (== net47) (< portable-net45+win8+wp8+wpa81)) (== netstandard2.0)
      System.Reflection.Primitives (>= 4.3) - restriction: || (&& (== net47) (< net45) (>= netstandard1.6)) (&& (== net47) (< portable-net45+win8+wp8+wpa81)) (== netstandard2.0)
      System.Reflection.TypeExtensions (>= 4.3) - restriction: || (&& (== net47) (< net45) (>= netstandard1.6)) (&& (== net47) (< portable-net45+win8+wp8+wpa81)) (== netstandard2.0)
      System.Resources.ResourceManager (>= 4.3) - restriction: || (&& (== net47) (< net45) (>= netstandard1.6)) (&& (== net47) (< portable-net45+win8+wp8+wpa81)) (== netstandard2.0)
      System.Runtime (>= 4.3) - restriction: || (&& (== net47) (< net45)) (&& (== net47) (< portable-net45+win8+wp8+wpa81)) (== netstandard2.0)
      System.Runtime.Extensions (>= 4.3) - restriction: || (&& (== net47) (< net45) (>= netstandard1.6)) (&& (== net47) (< portable-net45+win8+wp8+wpa81)) (== netstandard2.0)
      System.Threading (>= 4.3) - restriction: || (&& (== net47) (< net45) (>= netstandard1.6)) (&& (== net47) (< portable-net45+win8+wp8+wpa81)) (== netstandard2.0)
    System.Linq.Queryable (4.3) - restriction: || (&& (== net47) (< net45) (>= netstandard1.6)) (== netstandard2.0)
      System.Collections (>= 4.3) - restriction: || (&& (== net47) (< net45)) (&& (== net47) (< portable-net45+win8+wp8+wpa81)) (== netstandard2.0)
      System.Diagnostics.Debug (>= 4.3) - restriction: || (&& (== net47) (< net45)) (&& (== net47) (< portable-net45+win8+wp8+wpa81)) (== netstandard2.0)
      System.Linq (>= 4.3) - restriction: || (&& (== net47) (< net45)) (&& (== net47) (< portable-net45+win8+wp8+wpa81)) (== netstandard2.0)
      System.Linq.Expressions (>= 4.3) - restriction: || (&& (== net47) (< net45)) (&& (== net47) (< portable-net45+win8+wp8+wpa81)) (== netstandard2.0)
      System.Reflection (>= 4.3) - restriction: || (&& (== net47) (< net45)) (&& (== net47) (< portable-net45+win8+wp8+wpa81)) (== netstandard2.0)
      System.Reflection.Extensions (>= 4.3) - restriction: || (&& (== net47) (< net45)) (&& (== net47) (< portable-net45+win8+wp8+wpa81)) (== netstandard2.0)
      System.Resources.ResourceManager (>= 4.3) - restriction: || (&& (== net47) (< net45)) (&& (== net47) (< portable-net45+win8+wp8+wpa81)) (== netstandard2.0)
      System.Runtime (>= 4.3) - restriction: || (&& (== net47) (< net45)) (&& (== net47) (< portable-net45+win8+wp8+wpa81)) (== netstandard2.0)
    System.Net.Http (4.3.3) - restriction: || (&& (== net47) (< net45) (>= netstandard1.6)) (&& (== net47) (>= netstandard1.6) (< portable-net45+win8+wp8+wpa81)) (== netstandard2.0)
      Microsoft.NETCore.Platforms (>= 1.1) - restriction: || (&& (== net47) (< net45)) (&& (== net47) (< portable-net45+win8+wpa81)) (== netstandard2.0)
      runtime.native.System (>= 4.3) - restriction: || (&& (== net47) (< net45) (>= netstandard1.6)) (== netstandard2.0)
      runtime.native.System.Net.Http (>= 4.3) - restriction: || (&& (== net47) (< net45) (>= netstandard1.6)) (== netstandard2.0)
      runtime.native.System.Security.Cryptography.OpenSsl (>= 4.3.2) - restriction: || (&& (== net47) (< net45) (>= netstandard1.6)) (== netstandard2.0)
      System.Collections (>= 4.3) - restriction: || (&& (== net47) (< net45)) (&& (== net47) (< portable-net45+win8+wpa81)) (== netstandard2.0)
      System.Diagnostics.Debug (>= 4.3) - restriction: || (&& (== net47) (< net45)) (&& (== net47) (< portable-net45+win8+wpa81)) (== netstandard2.0)
      System.Diagnostics.DiagnosticSource (>= 4.3) - restriction: || (&& (== net47) (< net45)) (&& (== net47) (< portable-net45+win8+wpa81)) (== netstandard2.0)
      System.Diagnostics.Tracing (>= 4.3) - restriction: || (&& (== net47) (< net45)) (&& (== net47) (< portable-net45+win8+wpa81)) (== netstandard2.0)
      System.Globalization (>= 4.3) - restriction: || (&& (== net47) (< net45)) (&& (== net47) (< portable-net45+win8+wpa81)) (== netstandard2.0)
      System.Globalization.Extensions (>= 4.3) - restriction: || (&& (== net47) (< net45) (>= netstandard1.6)) (== netstandard2.0)
      System.IO (>= 4.3) - restriction: || (&& (== net47) (< net45)) (&& (== net47) (< portable-net45+win8+wpa81)) (== netstandard2.0)
      System.IO.FileSystem (>= 4.3) - restriction: || (&& (== net47) (< net45) (>= netstandard1.6)) (== netstandard2.0)
      System.Net.Primitives (>= 4.3) - restriction: || (&& (== net47) (< net45)) (&& (== net47) (< portable-net45+win8+wpa81)) (== netstandard2.0)
      System.Resources.ResourceManager (>= 4.3) - restriction: || (&& (== net47) (< net45)) (&& (== net47) (< portable-net45+win8+wpa81)) (== netstandard2.0)
      System.Runtime (>= 4.3) - restriction: || (&& (== net47) (< net45)) (&& (== net47) (< portable-net45+win8+wpa81)) (== netstandard2.0)
      System.Runtime.Extensions (>= 4.3) - restriction: || (&& (== net47) (< net45)) (&& (== net47) (< portable-net45+win8+wpa81)) (== netstandard2.0)
      System.Runtime.Handles (>= 4.3) - restriction: || (&& (== net47) (< net45)) (== netstandard2.0)
      System.Runtime.InteropServices (>= 4.3) - restriction: || (&& (== net47) (< net45)) (&& (== net47) (< portable-net45+win8+wpa81)) (== netstandard2.0)
      System.Security.Cryptography.Algorithms (>= 4.3) - restriction: || (&& (== net47) (< net45) (>= netstandard1.6)) (== netstandard2.0)
      System.Security.Cryptography.Encoding (>= 4.3) - restriction: || (&& (== net47) (< net45)) (== netstandard2.0)
      System.Security.Cryptography.OpenSsl (>= 4.3) - restriction: || (&& (== net47) (< net45) (>= netstandard1.6)) (== netstandard2.0)
      System.Security.Cryptography.Primitives (>= 4.3) - restriction: || (&& (== net47) (< net45) (>= netstandard1.6)) (== netstandard2.0)
      System.Security.Cryptography.X509Certificates (>= 4.3)
      System.Text.Encoding (>= 4.3) - restriction: || (&& (== net47) (< net45)) (&& (== net47) (< portable-net45+win8+wpa81)) (== netstandard2.0)
      System.Threading (>= 4.3) - restriction: || (&& (== net47) (< net45)) (&& (== net47) (< portable-net45+win8+wpa81)) (== netstandard2.0)
      System.Threading.Tasks (>= 4.3) - restriction: || (&& (== net47) (< net45)) (&& (== net47) (< portable-net45+win8+wpa81)) (== netstandard2.0)
    System.Net.Primitives (4.3) - restriction: || (&& (== net47) (< net35) (>= netstandard2.0)) (&& (== net47) (< net45) (>= netstandard1.6)) (&& (== net47) (< netstandard1.1) (>= netstandard1.6)) (&& (== net47) (>= netstandard1.6) (< portable-net45+win8+wp8+wpa81)) (&& (== net47) (>= netstandard1.6) (< portable-net45+win8+wpa81)) (== netstandard2.0)
      Microsoft.NETCore.Platforms (>= 1.1) - restriction: || (&& (== net47) (< net45)) (&& (== net47) (< netstandard1.1)) (&& (== net47) (< portable-net45+win8+wp8+wpa81)) (== netstandard2.0)
      Microsoft.NETCore.Targets (>= 1.1) - restriction: || (&& (== net47) (< net45)) (&& (== net47) (< netstandard1.1)) (&& (== net47) (< portable-net45+win8+wp8+wpa81)) (== netstandard2.0)
      System.Runtime (>= 4.3) - restriction: || (&& (== net47) (< net45)) (&& (== net47) (< netstandard1.1)) (&& (== net47) (< portable-net45+win8+wp8+wpa81)) (== netstandard2.0)
      System.Runtime.Handles (>= 4.3) - restriction: || (&& (== net47) (< net45)) (&& (== net47) (< portable-net45+win8+wp8+wpa81)) (== netstandard2.0)
    System.Net.Requests (4.3) - restriction: || (&& (== net47) (< net45) (>= netstandard1.6)) (== netstandard2.0)
      Microsoft.NETCore.Platforms (>= 1.1) - restriction: || (&& (== net47) (< net45)) (== netstandard2.0)
      System.Collections (>= 4.3) - restriction: || (&& (== net47) (< net45)) (&& (== net47) (< portable-net45+win8+wp8+wpa81)) (== netstandard2.0)
      System.Diagnostics.Debug (>= 4.3) - restriction: || (&& (== net47) (< net45)) (&& (== net47) (< portable-net45+win8+wp8+wpa81)) (== netstandard2.0)
      System.Diagnostics.Tracing (>= 4.3) - restriction: || (&& (== net47) (< net45)) (&& (== net47) (< portable-net45+win8+wp8+wpa81)) (== netstandard2.0)
      System.Globalization (>= 4.3) - restriction: || (&& (== net47) (< net45)) (&& (== net47) (< portable-net45+win8+wp8+wpa81)) (== netstandard2.0)
      System.IO (>= 4.3) - restriction: || (&& (== net47) (< net45)) (&& (== net47) (< netstandard1.1)) (&& (== net47) (< portable-net45+win8+wp8+wpa81)) (== netstandard2.0)
      System.Net.Http (>= 4.3) - restriction: || (&& (== net47) (< net45)) (&& (== net47) (< portable-net45+win8+wp8+wpa81)) (== netstandard2.0)
      System.Net.Primitives (>= 4.3) - restriction: || (&& (== net47) (< net45)) (&& (== net47) (< netstandard1.1)) (&& (== net47) (< portable-net45+win8+wp8+wpa81)) (== netstandard2.0)
      System.Net.WebHeaderCollection (>= 4.3) - restriction: || (&& (== net47) (< net45)) (&& (== net47) (< portable-net45+win8+wp8+wpa81)) (== netstandard2.0)
      System.Resources.ResourceManager (>= 4.3) - restriction: || (&& (== net47) (< net45)) (&& (== net47) (< portable-net45+win8+wp8+wpa81)) (== netstandard2.0)
      System.Runtime (>= 4.3) - restriction: || (&& (== net47) (< net45)) (&& (== net47) (< netstandard1.1)) (&& (== net47) (< portable-net45+win8+wp8+wpa81)) (== netstandard2.0)
      System.Threading (>= 4.3) - restriction: || (&& (== net47) (< net45)) (&& (== net47) (< portable-net45+win8+wp8+wpa81)) (== netstandard2.0)
      System.Threading.Tasks (>= 4.3) - restriction: || (&& (== net47) (< net45)) (&& (== net47) (< portable-net45+win8+wp8+wpa81)) (== netstandard2.0)
    System.Net.WebHeaderCollection (4.3) - restriction: || (&& (== net47) (< net45) (>= netstandard1.6)) (&& (== net47) (>= netstandard1.6) (< portable-net45+win8+wp8+wpa81)) (== netstandard2.0)
      System.Collections (>= 4.3) - restriction: || (&& (== net47) (< net46)) (== netstandard2.0)
      System.Resources.ResourceManager (>= 4.3) - restriction: || (&& (== net47) (< net46)) (== netstandard2.0)
      System.Runtime (>= 4.3) - restriction: || (&& (== net47) (< net46)) (== netstandard2.0)
      System.Runtime.Extensions (>= 4.3) - restriction: || (&& (== net47) (< net46)) (== netstandard2.0)
    System.ObjectModel (4.3) - restriction: || (&& (== net47) (< net45) (>= netstandard1.6)) (== netstandard2.0)
      System.Collections (>= 4.3) - restriction: || (&& (== net47) (< net45)) (&& (== net47) (< portable-net45+win8+wp8+wpa81)) (== netstandard2.0)
      System.Diagnostics.Debug (>= 4.3) - restriction: || (&& (== net47) (< net45)) (&& (== net47) (< portable-net45+win8+wp8+wpa81)) (== netstandard2.0)
      System.Resources.ResourceManager (>= 4.3) - restriction: || (&& (== net47) (< net45)) (&& (== net47) (< portable-net45+win8+wp8+wpa81)) (== netstandard2.0)
      System.Runtime (>= 4.3) - restriction: || (&& (== net47) (< net45)) (&& (== net47) (< portable-net45+win8+wp8+wpa81)) (== netstandard2.0)
      System.Threading (>= 4.3) - restriction: || (&& (== net47) (< net45)) (&& (== net47) (< portable-net45+win8+wp8+wpa81)) (== netstandard2.0)
    System.Reflection (4.3) - restriction: || (&& (== net47) (< net20) (>= netstandard2.0)) (&& (== net47) (< net45) (>= netstandard1.6)) (&& (== net47) (< net45) (>= netstandard2.0)) (&& (== net47) (>= netstandard1.6) (< portable-net45+win8+wp8+wpa81)) (== netstandard2.0)
      Microsoft.NETCore.Platforms (>= 1.1) - restriction: || (&& (== net47) (< net45)) (&& (== net47) (< portable-net45+win8+wp8+wpa81)) (== netstandard2.0)
      Microsoft.NETCore.Targets (>= 1.1) - restriction: || (&& (== net47) (< net45)) (&& (== net47) (< portable-net45+win8+wp8+wpa81)) (== netstandard2.0)
      System.IO (>= 4.3) - restriction: || (&& (== net47) (< net45)) (&& (== net47) (< portable-net45+win8+wp8+wpa81)) (== netstandard2.0)
      System.Reflection.Primitives (>= 4.3) - restriction: || (&& (== net47) (< net45)) (&& (== net47) (< portable-net45+win8+wp8+wpa81)) (== netstandard2.0)
      System.Runtime (>= 4.3) - restriction: || (&& (== net47) (< net45)) (&& (== net47) (< portable-net45+win8+wp8+wpa81)) (== netstandard2.0)
    System.Reflection.Emit (4.3) - restriction: || (&& (== net47) (< net45) (>= netstandard1.6)) (== netstandard2.0)
      System.IO (>= 4.3) - restriction: || (&& (== net47) (< net45)) (== netstandard2.0)
      System.Reflection (>= 4.3) - restriction: || (&& (== net47) (< net45)) (== netstandard2.0)
      System.Reflection.Emit.ILGeneration (>= 4.3) - restriction: || (&& (== net47) (< net45)) (== netstandard2.0)
      System.Reflection.Primitives (>= 4.3) - restriction: || (&& (== net47) (< net45)) (== netstandard2.0)
      System.Runtime (>= 4.3) - restriction: || (&& (== net47) (< net45)) (== netstandard2.0)
    System.Reflection.Emit.ILGeneration (4.3) - restriction: || (&& (== net47) (< net45) (>= netstandard1.6)) (&& (== net47) (>= netstandard1.6) (< portable-net45+win8+wp8+wpa81)) (== netstandard2.0)
      System.Reflection (>= 4.3) - restriction: || (&& (== net47) (< net45)) (== netstandard2.0)
      System.Reflection.Primitives (>= 4.3) - restriction: || (&& (== net47) (< net45)) (== netstandard2.0)
      System.Runtime (>= 4.3) - restriction: || (&& (== net47) (< net45)) (== netstandard2.0)
    System.Reflection.Emit.Lightweight (4.3) - restriction: || (&& (== net47) (< net45) (>= netstandard1.6)) (&& (== net47) (>= netstandard1.6) (< portable-net45+win8+wp8+wpa81)) (== netstandard2.0)
      System.Reflection (>= 4.3) - restriction: || (&& (== net47) (< net45)) (== netstandard2.0)
      System.Reflection.Emit.ILGeneration (>= 4.3) - restriction: || (&& (== net47) (< net45)) (== netstandard2.0)
      System.Reflection.Primitives (>= 4.3) - restriction: || (&& (== net47) (< net45)) (== netstandard2.0)
      System.Runtime (>= 4.3) - restriction: || (&& (== net47) (< net45)) (== netstandard2.0)
    System.Reflection.Extensions (4.3) - restriction: || (&& (== net47) (< net20) (>= netstandard2.0)) (&& (== net47) (< net45) (>= netstandard1.6)) (&& (== net47) (>= netstandard1.6) (< portable-net45+win8+wp8+wpa81)) (== netstandard2.0)
      Microsoft.NETCore.Platforms (>= 1.1) - restriction: || (&& (== net47) (< net45)) (&& (== net47) (< portable-net45+win8+wp8+wpa81)) (== netstandard2.0)
      Microsoft.NETCore.Targets (>= 1.1) - restriction: || (&& (== net47) (< net45)) (&& (== net47) (< portable-net45+win8+wp8+wpa81)) (== netstandard2.0)
      System.Reflection (>= 4.3) - restriction: || (&& (== net47) (< net45)) (&& (== net47) (< portable-net45+win8+wp8+wpa81)) (== netstandard2.0)
      System.Runtime (>= 4.3) - restriction: || (&& (== net47) (< net45)) (&& (== net47) (< portable-net45+win8+wp8+wpa81)) (== netstandard2.0)
    System.Reflection.Primitives (4.3) - restriction: || (&& (== net47) (< net20) (>= netstandard2.0)) (&& (== net47) (< net45) (>= netstandard1.6)) (&& (== net47) (>= netstandard1.6) (< portable-net45+win8+wp8+wpa81)) (== netstandard2.0)
      Microsoft.NETCore.Platforms (>= 1.1) - restriction: || (&& (== net47) (< net45)) (&& (== net47) (< portable-net45+win8+wp8+wpa81)) (== netstandard2.0)
      Microsoft.NETCore.Targets (>= 1.1) - restriction: || (&& (== net47) (< net45)) (&& (== net47) (< portable-net45+win8+wp8+wpa81)) (== netstandard2.0)
      System.Runtime (>= 4.3) - restriction: || (&& (== net47) (< net45)) (&& (== net47) (< portable-net45+win8+wp8+wpa81)) (== netstandard2.0)
    System.Reflection.TypeExtensions (4.4) - restriction: || (&& (== net47) (< net20) (>= netstandard2.0)) (&& (== net47) (< net45) (>= netstandard1.6)) (&& (== net47) (>= netstandard1.6) (< portable-net45+win8+wp8+wpa81)) (== netstandard2.0)
    System.Resources.ResourceManager (4.3) - restriction: || (&& (== net47) (< net20) (>= netstandard2.0)) (&& (== net47) (< net45) (>= netstandard1.6)) (&& (== net47) (< net46) (>= netstandard2.0)) (&& (== net47) (>= netstandard1.6) (< portable-net45+win8+wp8+wpa81)) (&& (== net47) (>= netstandard1.6) (< portable-net45+win8+wpa81)) (== netstandard2.0)
      Microsoft.NETCore.Platforms (>= 1.1) - restriction: || (&& (== net47) (< net45)) (&& (== net47) (< portable-net45+win8+wp8+wpa81)) (== netstandard2.0)
      Microsoft.NETCore.Targets (>= 1.1) - restriction: || (&& (== net47) (< net45)) (&& (== net47) (< portable-net45+win8+wp8+wpa81)) (== netstandard2.0)
      System.Globalization (>= 4.3) - restriction: || (&& (== net47) (< net45)) (&& (== net47) (< portable-net45+win8+wp8+wpa81)) (== netstandard2.0)
      System.Reflection (>= 4.3) - restriction: || (&& (== net47) (< net45)) (&& (== net47) (< portable-net45+win8+wp8+wpa81)) (== netstandard2.0)
      System.Runtime (>= 4.3) - restriction: || (&& (== net47) (< net45)) (&& (== net47) (< portable-net45+win8+wp8+wpa81)) (== netstandard2.0)
    System.Runtime (4.3) - restriction: || (&& (== net47) (< net20) (>= netstandard2.0)) (&& (== net47) (< net45) (>= netstandard1.6)) (&& (== net47) (< net45) (>= netstandard2.0)) (&& (== net47) (< net46) (>= netstandard2.0)) (&& (== net47) (>= netcoreapp1.1)) (&& (== net47) (< netstandard1.1) (>= netstandard1.6)) (&& (== net47) (>= netstandard1.6) (< portable-net45+win8+wp8+wpa81)) (&& (== net47) (>= netstandard1.6) (< portable-net45+win8+wpa81)) (== netstandard2.0)
      Microsoft.NETCore.Platforms (>= 1.1) - restriction: || (&& (== net47) (< net45)) (&& (== net47) (< portable-net45+win8+wp8+wpa81)) (== netstandard2.0)
      Microsoft.NETCore.Targets (>= 1.1) - restriction: || (&& (== net47) (< net45)) (&& (== net47) (< portable-net45+win8+wp8+wpa81)) (== netstandard2.0)
    System.Runtime.CompilerServices.Unsafe (4.4) - restriction: || (&& (== net47) (>= netstandard2.0)) (== netstandard2.0)
    System.Runtime.Extensions (4.3) - restriction: || (&& (== net47) (< net20) (>= netstandard2.0)) (&& (== net47) (< net45) (>= netstandard1.6)) (&& (== net47) (< net45) (>= netstandard2.0)) (&& (== net47) (< net46) (>= netstandard2.0)) (&& (== net47) (>= netstandard1.6) (< portable-net45+win8+wp8+wpa81)) (&& (== net47) (>= netstandard1.6) (< portable-net45+win8+wpa81)) (== netstandard2.0)
      Microsoft.NETCore.Platforms (>= 1.1) - restriction: || (&& (== net47) (< net45)) (&& (== net47) (< portable-net45+win8+wp8+wpa81)) (== netstandard2.0)
      Microsoft.NETCore.Targets (>= 1.1) - restriction: || (&& (== net47) (< net45)) (&& (== net47) (< portable-net45+win8+wp8+wpa81)) (== netstandard2.0)
      System.Runtime (>= 4.3) - restriction: || (&& (== net47) (< net45)) (&& (== net47) (< portable-net45+win8+wp8+wpa81)) (== netstandard2.0)
    System.Runtime.Handles (4.3) - restriction: || (&& (== net47) (< net45) (>= netstandard1.6)) (&& (== net47) (< netstandard1.1) (>= netstandard1.6)) (&& (== net47) (>= netstandard1.6) (< portable-net45+win8+wp8+wpa81)) (== netstandard2.0)
      Microsoft.NETCore.Platforms (>= 1.1) - restriction: || (&& (== net47) (< net46)) (== netstandard2.0)
      Microsoft.NETCore.Targets (>= 1.1) - restriction: || (&& (== net47) (< net46)) (== netstandard2.0)
      System.Runtime (>= 4.3) - restriction: || (&& (== net47) (< net46)) (== netstandard2.0)
    System.Runtime.InteropServices (4.3) - restriction: || (&& (== net47) (< net45) (>= netstandard1.6)) (&& (== net47) (< net45) (>= netstandard2.0)) (&& (== net47) (>= netstandard1.6) (< portable-net45+win8+wp8+wpa81)) (&& (== net47) (>= netstandard1.6) (< portable-net45+win8+wpa81)) (== netstandard2.0)
      Microsoft.NETCore.Platforms (>= 1.1) - restriction: || (&& (== net47) (< net45)) (&& (== net47) (>= netcoreapp1.1)) (&& (== net47) (< portable-net45+win8+wpa81)) (== netstandard2.0)
      Microsoft.NETCore.Targets (>= 1.1) - restriction: || (&& (== net47) (< net45)) (&& (== net47) (>= netcoreapp1.1)) (&& (== net47) (< portable-net45+win8+wpa81)) (== netstandard2.0)
      System.Reflection (>= 4.3) - restriction: || (&& (== net47) (< net45)) (&& (== net47) (>= netcoreapp1.1)) (&& (== net47) (< portable-net45+win8+wpa81)) (== netstandard2.0)
      System.Reflection.Primitives (>= 4.3) - restriction: || (&& (== net47) (< net45)) (&& (== net47) (>= netcoreapp1.1)) (&& (== net47) (< portable-net45+win8+wpa81)) (== netstandard2.0)
      System.Runtime (>= 4.3)
      System.Runtime.Handles (>= 4.3) - restriction: || (&& (== net47) (< net45)) (&& (== net47) (>= netcoreapp1.1)) (&& (== net47) (< portable-net45+win8+wpa81)) (== netstandard2.0)
    System.Runtime.InteropServices.RuntimeInformation (4.3) - restriction: || (&& (== net47) (< net45) (>= netstandard2.0)) (== netstandard2.0)
      runtime.native.System (>= 4.3) - restriction: || (&& (== net47) (< net45)) (== netstandard2.0)
      System.Reflection (>= 4.3) - restriction: || (&& (== net47) (< net45)) (&& (== net47) (< netstandard1.1)) (== netstandard2.0)
      System.Reflection.Extensions (>= 4.3) - restriction: || (&& (== net47) (< net45)) (&& (== net47) (< netstandard1.1)) (== netstandard2.0)
      System.Resources.ResourceManager (>= 4.3) - restriction: || (&& (== net47) (< net45)) (&& (== net47) (< netstandard1.1)) (== netstandard2.0)
      System.Runtime (>= 4.3) - restriction: || (&& (== net47) (< net45)) (&& (== net47) (< netstandard1.1)) (== netstandard2.0)
      System.Runtime.InteropServices (>= 4.3) - restriction: || (&& (== net47) (< net45)) (== netstandard2.0)
      System.Threading (>= 4.3) - restriction: || (&& (== net47) (< net45)) (&& (== net47) (< netstandard1.1)) (== netstandard2.0)
    System.Runtime.Numerics (4.3) - restriction: || (&& (== net47) (< net45) (>= netstandard1.6)) (&& (== net47) (>= netstandard1.6) (< portable-net45+win8+wp8+wpa81)) (&& (== net47) (>= netstandard1.6) (< portable-net45+win8+wpa81)) (== netstandard2.0)
      System.Globalization (>= 4.3) - restriction: || (&& (== net47) (< net45)) (&& (== net47) (< portable-net45+win8+wpa81)) (== netstandard2.0)
      System.Resources.ResourceManager (>= 4.3) - restriction: || (&& (== net47) (< net45)) (&& (== net47) (< portable-net45+win8+wpa81)) (== netstandard2.0)
      System.Runtime (>= 4.3) - restriction: || (&& (== net47) (< net45)) (&& (== net47) (< portable-net45+win8+wpa81)) (== netstandard2.0)
      System.Runtime.Extensions (>= 4.3) - restriction: || (&& (== net47) (< net45)) (&& (== net47) (< portable-net45+win8+wpa81)) (== netstandard2.0)
    System.Runtime.Serialization.Formatters (4.3) - restriction: || (&& (== net47) (< net20) (>= netstandard2.0)) (== netstandard2.0)
      System.Collections (>= 4.3) - restriction: || (&& (== net47) (< net46)) (== netstandard2.0)
      System.Reflection (>= 4.3) - restriction: || (&& (== net47) (< net46)) (== netstandard2.0)
      System.Resources.ResourceManager (>= 4.3) - restriction: || (&& (== net47) (< net46)) (== netstandard2.0)
      System.Runtime (>= 4.3) - restriction: || (&& (== net47) (< net46)) (== netstandard2.0)
      System.Runtime.Serialization.Primitives (>= 4.3)
    System.Runtime.Serialization.Primitives (4.3) - restriction: || (&& (== net47) (< net20) (>= netstandard2.0)) (== netstandard2.0)
      System.Resources.ResourceManager (>= 4.3) - restriction: || (&& (== net47) (< net45)) (&& (== net47) (< portable-net45+win8+wp8+wpa81)) (== netstandard2.0)
      System.Runtime (>= 4.3) - restriction: || (&& (== net47) (< net45)) (&& (== net47) (< portable-net45+win8+wp8+wpa81)) (== netstandard2.0)
    System.Security.Cryptography.Algorithms (4.3.1) - restriction: || (&& (== net47) (< net45) (>= netstandard1.6)) (&& (== net47) (>= netstandard1.6) (< portable-net45+win8+wp8+wpa81)) (== netstandard2.0)
      Microsoft.NETCore.Platforms (>= 1.1) - restriction: || (&& (== net47) (< net46) (>= netstandard1.6)) (&& (== net47) (< netstandard1.3)) (== netstandard2.0)
      runtime.native.System.Security.Cryptography.Apple (>= 4.3.1) - restriction: || (&& (== net47) (< net46) (>= netstandard1.6)) (== netstandard2.0)
      runtime.native.System.Security.Cryptography.OpenSsl (>= 4.3.2) - restriction: || (&& (== net47) (< net46) (>= netstandard1.6)) (== netstandard2.0)
      System.Collections (>= 4.3) - restriction: || (&& (== net47) (< net46) (>= netstandard1.6)) (== netstandard2.0)
      System.IO (>= 4.3)
      System.Resources.ResourceManager (>= 4.3) - restriction: || (&& (== net47) (< net46) (>= netstandard1.6)) (&& (== net47) (< netstandard1.3)) (== netstandard2.0)
      System.Runtime (>= 4.3)
      System.Runtime.Extensions (>= 4.3) - restriction: || (&& (== net47) (< net46) (>= netstandard1.6)) (&& (== net47) (< netstandard1.3)) (== netstandard2.0)
      System.Runtime.Handles (>= 4.3) - restriction: || (&& (== net47) (< net46) (>= netstandard1.6)) (&& (== net47) (< netstandard1.3)) (== netstandard2.0)
      System.Runtime.InteropServices (>= 4.3) - restriction: || (&& (== net47) (< net46) (>= netstandard1.6)) (&& (== net47) (< netstandard1.3)) (== netstandard2.0)
      System.Runtime.Numerics (>= 4.3) - restriction: || (&& (== net47) (< net46) (>= netstandard1.6)) (== netstandard2.0)
      System.Security.Cryptography.Encoding (>= 4.3)
      System.Security.Cryptography.Primitives (>= 4.3)
      System.Text.Encoding (>= 4.3) - restriction: || (&& (== net47) (< net46) (>= netstandard1.6)) (&& (== net47) (< netstandard1.3)) (== netstandard2.0)
    System.Security.Cryptography.Cng (4.4) - restriction: || (&& (== net47) (< net45) (>= netstandard1.6)) (&& (== net47) (>= netstandard1.6) (< portable-net45+win8+wp8+wpa81)) (&& (== net47) (>= netstandard1.6) (< portable-net45+win8+wpa81)) (== netstandard2.0)
    System.Security.Cryptography.Csp (4.3) - restriction: || (&& (== net47) (< net45) (>= netstandard1.6)) (&& (== net47) (>= netstandard1.6) (< portable-net45+win8+wp8+wpa81)) (&& (== net47) (>= netstandard1.6) (< portable-net45+win8+wpa81)) (== netstandard2.0)
      Microsoft.NETCore.Platforms (>= 1.1) - restriction: || (&& (== net47) (< net46)) (== netstandard2.0)
      System.IO (>= 4.3) - restriction: || (&& (== net47) (< net46)) (== netstandard2.0)
      System.Reflection (>= 4.3) - restriction: || (&& (== net47) (< net46)) (== netstandard2.0)
      System.Resources.ResourceManager (>= 4.3) - restriction: || (&& (== net47) (< net46)) (== netstandard2.0)
      System.Runtime (>= 4.3) - restriction: || (&& (== net47) (< net46)) (== netstandard2.0)
      System.Runtime.Extensions (>= 4.3) - restriction: || (&& (== net47) (< net46)) (== netstandard2.0)
      System.Runtime.Handles (>= 4.3) - restriction: || (&& (== net47) (< net46)) (== netstandard2.0)
      System.Runtime.InteropServices (>= 4.3) - restriction: || (&& (== net47) (< net46)) (== netstandard2.0)
      System.Security.Cryptography.Algorithms (>= 4.3)
      System.Security.Cryptography.Encoding (>= 4.3) - restriction: || (&& (== net47) (< net46)) (== netstandard2.0)
      System.Security.Cryptography.Primitives (>= 4.3)
      System.Text.Encoding (>= 4.3) - restriction: || (&& (== net47) (< net46)) (== netstandard2.0)
      System.Threading (>= 4.3) - restriction: || (&& (== net47) (< net46)) (== netstandard2.0)
    System.Security.Cryptography.Encoding (4.3) - restriction: || (&& (== net47) (< net45) (>= netstandard1.6)) (&& (== net47) (>= netstandard1.6) (< portable-net45+win8+wp8+wpa81)) (== netstandard2.0)
      Microsoft.NETCore.Platforms (>= 1.1) - restriction: || (&& (== net47) (< net46)) (== netstandard2.0)
      runtime.native.System.Security.Cryptography.OpenSsl (>= 4.3) - restriction: || (&& (== net47) (< net46)) (== netstandard2.0)
      System.Collections (>= 4.3) - restriction: || (&& (== net47) (< net46)) (== netstandard2.0)
      System.Collections.Concurrent (>= 4.3) - restriction: || (&& (== net47) (< net46)) (== netstandard2.0)
      System.Linq (>= 4.3) - restriction: || (&& (== net47) (< net46)) (== netstandard2.0)
      System.Resources.ResourceManager (>= 4.3) - restriction: || (&& (== net47) (< net46)) (== netstandard2.0)
      System.Runtime (>= 4.3) - restriction: || (&& (== net47) (< net46)) (== netstandard2.0)
      System.Runtime.Extensions (>= 4.3) - restriction: || (&& (== net47) (< net46)) (== netstandard2.0)
      System.Runtime.Handles (>= 4.3) - restriction: || (&& (== net47) (< net46)) (== netstandard2.0)
      System.Runtime.InteropServices (>= 4.3) - restriction: || (&& (== net47) (< net46)) (== netstandard2.0)
      System.Security.Cryptography.Primitives (>= 4.3) - restriction: || (&& (== net47) (< net46)) (== netstandard2.0)
      System.Text.Encoding (>= 4.3) - restriction: || (&& (== net47) (< net46)) (== netstandard2.0)
    System.Security.Cryptography.OpenSsl (4.4) - restriction: || (&& (== net47) (< net45) (>= netstandard1.6)) (&& (== net47) (>= netstandard1.6) (< portable-net45+win8+wp8+wpa81)) (== netstandard2.0)
    System.Security.Cryptography.Primitives (4.3) - restriction: || (&& (== net47) (< net45) (>= netstandard1.6)) (&& (== net47) (>= netstandard1.6) (< portable-net45+win8+wp8+wpa81)) (== netstandard2.0)
      System.Diagnostics.Debug (>= 4.3) - restriction: || (&& (== net47) (< net46)) (== netstandard2.0)
      System.Globalization (>= 4.3) - restriction: || (&& (== net47) (< net46)) (== netstandard2.0)
      System.IO (>= 4.3) - restriction: || (&& (== net47) (< net46)) (== netstandard2.0)
      System.Resources.ResourceManager (>= 4.3) - restriction: || (&& (== net47) (< net46)) (== netstandard2.0)
      System.Runtime (>= 4.3) - restriction: || (&& (== net47) (< net46)) (== netstandard2.0)
      System.Threading (>= 4.3) - restriction: || (&& (== net47) (< net46)) (== netstandard2.0)
      System.Threading.Tasks (>= 4.3) - restriction: || (&& (== net47) (< net46)) (== netstandard2.0)
    System.Security.Cryptography.X509Certificates (4.3.2) - restriction: || (&& (== net47) (< net45) (>= netstandard1.6)) (&& (== net47) (>= netstandard1.6) (< portable-net45+win8+wp8+wpa81)) (&& (== net47) (>= netstandard1.6) (< portable-net45+win8+wpa81)) (== netstandard2.0)
      Microsoft.NETCore.Platforms (>= 1.1) - restriction: || (&& (== net47) (< net46) (>= netstandard1.6)) (&& (== net47) (< netstandard1.3)) (== netstandard2.0)
      runtime.native.System (>= 4.3) - restriction: || (&& (== net47) (< net46) (>= netstandard1.6)) (== netstandard2.0)
      runtime.native.System.Net.Http (>= 4.3) - restriction: || (&& (== net47) (< net46) (>= netstandard1.6)) (== netstandard2.0)
      runtime.native.System.Security.Cryptography.OpenSsl (>= 4.3.2) - restriction: || (&& (== net47) (< net46) (>= netstandard1.6)) (== netstandard2.0)
      System.Collections (>= 4.3) - restriction: || (&& (== net47) (< net46) (>= netstandard1.6)) (&& (== net47) (< netstandard1.3)) (== netstandard2.0)
      System.Diagnostics.Debug (>= 4.3) - restriction: || (&& (== net47) (< net46) (>= netstandard1.6)) (== netstandard2.0)
      System.Globalization (>= 4.3) - restriction: || (&& (== net47) (< net46) (>= netstandard1.6)) (&& (== net47) (< netstandard1.3)) (== netstandard2.0)
      System.Globalization.Calendars (>= 4.3) - restriction: || (&& (== net47) (< net46) (>= netstandard1.6)) (&& (== net47) (< netstandard1.3)) (== netstandard2.0)
      System.IO (>= 4.3) - restriction: || (&& (== net47) (< net46) (>= netstandard1.6)) (&& (== net47) (< netstandard1.3)) (== netstandard2.0)
      System.IO.FileSystem (>= 4.3) - restriction: || (&& (== net47) (< net46) (>= netstandard1.6)) (&& (== net47) (< netstandard1.3)) (== netstandard2.0)
      System.IO.FileSystem.Primitives (>= 4.3) - restriction: || (&& (== net47) (< net46) (>= netstandard1.6)) (== netstandard2.0)
      System.Resources.ResourceManager (>= 4.3) - restriction: || (&& (== net47) (< net46) (>= netstandard1.6)) (&& (== net47) (< netstandard1.3)) (== netstandard2.0)
      System.Runtime (>= 4.3) - restriction: || (&& (== net47) (< net46)) (&& (== net47) (< netstandard1.3)) (== netstandard2.0)
      System.Runtime.Extensions (>= 4.3) - restriction: || (&& (== net47) (< net46) (>= netstandard1.6)) (&& (== net47) (< netstandard1.3)) (== netstandard2.0)
      System.Runtime.Handles (>= 4.3) - restriction: || (&& (== net47) (< net46)) (&& (== net47) (< netstandard1.3)) (== netstandard2.0)
      System.Runtime.InteropServices (>= 4.3) - restriction: || (&& (== net47) (< net46) (>= netstandard1.6)) (&& (== net47) (< netstandard1.3)) (== netstandard2.0)
      System.Runtime.Numerics (>= 4.3) - restriction: || (&& (== net47) (< net46) (>= netstandard1.6)) (&& (== net47) (< netstandard1.3)) (== netstandard2.0)
      System.Security.Cryptography.Algorithms (>= 4.3)
      System.Security.Cryptography.Cng (>= 4.3) - restriction: || (&& (== net47) (< net46) (>= netstandard1.6)) (&& (== net47) (< netstandard1.3)) (== netstandard2.0)
      System.Security.Cryptography.Csp (>= 4.3) - restriction: || (&& (== net47) (< net46) (>= netstandard1.6)) (== netstandard2.0)
      System.Security.Cryptography.Encoding (>= 4.3)
      System.Security.Cryptography.OpenSsl (>= 4.3) - restriction: || (&& (== net47) (< net46) (>= netstandard1.6)) (== netstandard2.0)
      System.Security.Cryptography.Primitives (>= 4.3) - restriction: || (&& (== net47) (< net46) (>= netstandard1.6)) (&& (== net47) (< netstandard1.3)) (== netstandard2.0)
      System.Text.Encoding (>= 4.3) - restriction: || (&& (== net47) (< net46) (>= netstandard1.6)) (&& (== net47) (< netstandard1.3)) (== netstandard2.0)
      System.Threading (>= 4.3) - restriction: || (&& (== net47) (< net46) (>= netstandard1.6)) (&& (== net47) (< netstandard1.3)) (== netstandard2.0)
    System.Spatial (5.8.3) - restriction: || (&& (== net47) (>= netstandard2.0)) (== netstandard2.0)
    System.Text.Encoding (4.3) - restriction: || (&& (== net47) (< net20) (>= netstandard2.0)) (&& (== net47) (< net45) (>= netstandard1.6)) (&& (== net47) (>= netstandard1.6) (< portable-net45+win8+wp8+wpa81)) (== netstandard2.0)
      Microsoft.NETCore.Platforms (>= 1.1) - restriction: || (&& (== net47) (< net45)) (&& (== net47) (< portable-net45+win8+wp8+wpa81)) (== netstandard2.0)
      Microsoft.NETCore.Targets (>= 1.1) - restriction: || (&& (== net47) (< net45)) (&& (== net47) (< portable-net45+win8+wp8+wpa81)) (== netstandard2.0)
      System.Runtime (>= 4.3) - restriction: || (&& (== net47) (< net45)) (&& (== net47) (< portable-net45+win8+wp8+wpa81)) (== netstandard2.0)
    System.Text.Encoding.Extensions (4.3) - restriction: || (&& (== net47) (< net20) (>= netstandard2.0)) (== netstandard2.0)
      Microsoft.NETCore.Platforms (>= 1.1) - restriction: || (&& (== net47) (< net45)) (&& (== net47) (< portable-net45+win8+wp8+wpa81)) (== netstandard2.0)
      Microsoft.NETCore.Targets (>= 1.1) - restriction: || (&& (== net47) (< net45)) (&& (== net47) (< portable-net45+win8+wp8+wpa81)) (== netstandard2.0)
      System.Runtime (>= 4.3) - restriction: || (&& (== net47) (< net45)) (&& (== net47) (< portable-net45+win8+wp8+wpa81)) (== netstandard2.0)
      System.Text.Encoding (>= 4.3) - restriction: || (&& (== net47) (< net45)) (&& (== net47) (< portable-net45+win8+wp8+wpa81)) (== netstandard2.0)
    System.Text.Encodings.Web (4.4) - restriction: || (&& (== net47) (>= netstandard2.0)) (== netstandard2.0)
    System.Text.RegularExpressions (4.3) - restriction: || (&& (== net47) (< net20) (>= netstandard2.0)) (&& (== net47) (< net45) (>= netstandard1.6)) (== netstandard2.0)
      System.Collections (>= 4.3) - restriction: || (&& (== net47) (< net45) (>= netstandard1.6)) (&& (== net47) (< portable-net45+win8+wp8+wpa81)) (== netstandard2.0)
      System.Globalization (>= 4.3) - restriction: || (&& (== net47) (< net45) (>= netstandard1.6)) (&& (== net47) (< portable-net45+win8+wp8+wpa81)) (== netstandard2.0)
      System.Resources.ResourceManager (>= 4.3) - restriction: || (&& (== net47) (< net45) (>= netstandard1.6)) (&& (== net47) (< portable-net45+win8+wp8+wpa81)) (== netstandard2.0)
      System.Runtime (>= 4.3) - restriction: || (&& (== net47) (< net45)) (&& (== net47) (>= netcoreapp1.1)) (&& (== net47) (< portable-net45+win8+wp8+wpa81)) (== netstandard2.0)
      System.Runtime.Extensions (>= 4.3) - restriction: || (&& (== net47) (< net45) (>= netstandard1.6)) (&& (== net47) (< portable-net45+win8+wp8+wpa81)) (== netstandard2.0)
      System.Threading (>= 4.3) - restriction: || (&& (== net47) (< net45) (>= netstandard1.6)) (&& (== net47) (< portable-net45+win8+wp8+wpa81)) (== netstandard2.0)
    System.Threading (4.3) - restriction: || (&& (== net47) (< net20) (>= netstandard2.0)) (&& (== net47) (< net45) (>= netstandard1.6)) (&& (== net47) (< net45) (>= netstandard2.0)) (&& (== net47) (< net46) (>= netstandard2.0)) (&& (== net47) (>= netstandard1.6) (< portable-net45+win8+wp8+wpa81)) (&& (== net47) (>= netstandard1.6) (< portable-net45+win8+wpa81)) (== netstandard2.0)
      System.Runtime (>= 4.3) - restriction: || (&& (== net47) (< net45)) (&& (== net47) (< portable-net45+win8+wp8+wpa81)) (== netstandard2.0)
      System.Threading.Tasks (>= 4.3) - restriction: || (&& (== net47) (< net45)) (&& (== net47) (< portable-net45+win8+wp8+wpa81)) (== netstandard2.0)
    System.Threading.Tasks (4.3) - restriction: || (&& (== net47) (< net45) (>= netstandard1.6)) (&& (== net47) (>= netstandard1.6) (< portable-net45+win8+wp8+wpa81)) (&& (== net47) (>= netstandard1.6) (< portable-net45+win8+wpa81)) (== netstandard2.0)
      Microsoft.NETCore.Platforms (>= 1.1) - restriction: || (&& (== net47) (< net45)) (&& (== net47) (< portable-net45+win8+wp8+wpa81)) (== netstandard2.0)
      Microsoft.NETCore.Targets (>= 1.1) - restriction: || (&& (== net47) (< net45)) (&& (== net47) (< portable-net45+win8+wp8+wpa81)) (== netstandard2.0)
      System.Runtime (>= 4.3) - restriction: || (&& (== net47) (< net45)) (&& (== net47) (< portable-net45+win8+wp8+wpa81)) (== netstandard2.0)
    System.Threading.Tasks.Dataflow (4.8) - restriction: || (&& (== net47) (>= netstandard2.0)) (== netstandard2.0)
    System.Threading.Tasks.Extensions (4.4) - restriction: || (&& (== net47) (< net20) (>= netstandard2.0)) (== netstandard2.0)
    System.Threading.Tasks.Parallel (4.3) - restriction: || (&& (== net47) (< net45) (>= netstandard1.6)) (== netstandard2.0)
      System.Collections.Concurrent (>= 4.3) - restriction: || (&& (== net47) (< net45)) (&& (== net47) (< portable-net45+win8+wpa81)) (== netstandard2.0)
      System.Diagnostics.Debug (>= 4.3) - restriction: || (&& (== net47) (< net45)) (&& (== net47) (< portable-net45+win8+wpa81)) (== netstandard2.0)
      System.Diagnostics.Tracing (>= 4.3) - restriction: || (&& (== net47) (< net45)) (&& (== net47) (< portable-net45+win8+wpa81)) (== netstandard2.0)
      System.Resources.ResourceManager (>= 4.3) - restriction: || (&& (== net47) (< net45)) (&& (== net47) (< portable-net45+win8+wpa81)) (== netstandard2.0)
      System.Runtime (>= 4.3) - restriction: || (&& (== net47) (< net45)) (&& (== net47) (< portable-net45+win8+wpa81)) (== netstandard2.0)
      System.Runtime.Extensions (>= 4.3) - restriction: || (&& (== net47) (< net45)) (&& (== net47) (< portable-net45+win8+wpa81)) (== netstandard2.0)
      System.Threading (>= 4.3) - restriction: || (&& (== net47) (< net45)) (&& (== net47) (< portable-net45+win8+wpa81)) (== netstandard2.0)
      System.Threading.Tasks (>= 4.3) - restriction: || (&& (== net47) (< net45)) (&& (== net47) (< portable-net45+win8+wpa81)) (== netstandard2.0)
    System.Threading.Thread (4.3) - restriction: || (&& (== net47) (< net45) (>= netstandard1.6)) (== netstandard2.0)
      System.Runtime (>= 4.3) - restriction: || (&& (== net47) (< net46)) (== netstandard2.0)
    System.Threading.ThreadPool (4.3) - restriction: || (&& (== net47) (< net45) (>= netstandard1.6)) (== netstandard2.0)
      System.Runtime (>= 4.3) - restriction: || (&& (== net47) (< net46)) (== netstandard2.0)
      System.Runtime.Handles (>= 4.3) - restriction: || (&& (== net47) (< net46)) (== netstandard2.0)
    System.Threading.Timer (4.3) - restriction: || (&& (== net47) (< net45) (>= netstandard1.6)) (== netstandard2.0)
      Microsoft.NETCore.Platforms (>= 1.1) - restriction: || (&& (== net47) (< net451)) (&& (== net47) (< portable-net451+win81+wpa81)) (== netstandard2.0)
      Microsoft.NETCore.Targets (>= 1.1) - restriction: || (&& (== net47) (< net451)) (&& (== net47) (< portable-net451+win81+wpa81)) (== netstandard2.0)
      System.Runtime (>= 4.3) - restriction: || (&& (== net47) (< net451)) (&& (== net47) (< portable-net451+win81+wpa81)) (== netstandard2.0)
    System.ValueTuple (4.4) - restriction: || (== net47) (&& (== netstandard2.0) (>= net46))
    System.Xml.ReaderWriter (4.3) - restriction: || (&& (== net47) (< net20) (>= netstandard2.0)) (== netstandard2.0)
      System.Collections (>= 4.3) - restriction: || (&& (== net47) (< net45)) (&& (== net47) (< portable-net45+win8+wp8+wpa81)) (== netstandard2.0)
      System.Diagnostics.Debug (>= 4.3) - restriction: || (&& (== net47) (< net45)) (&& (== net47) (< portable-net45+win8+wp8+wpa81)) (== netstandard2.0)
      System.Globalization (>= 4.3) - restriction: || (&& (== net47) (< net45)) (&& (== net47) (< portable-net45+win8+wp8+wpa81)) (== netstandard2.0)
      System.IO (>= 4.3) - restriction: || (&& (== net47) (< net45)) (&& (== net47) (< portable-net45+win8+wp8+wpa81)) (== netstandard2.0)
      System.IO.FileSystem (>= 4.3) - restriction: || (&& (== net47) (< net45)) (&& (== net47) (< portable-net45+win8+wp8+wpa81)) (== netstandard2.0)
      System.IO.FileSystem.Primitives (>= 4.3) - restriction: || (&& (== net47) (< net45)) (&& (== net47) (< portable-net45+win8+wp8+wpa81)) (== netstandard2.0)
      System.Resources.ResourceManager (>= 4.3) - restriction: || (&& (== net47) (< net45)) (&& (== net47) (< portable-net45+win8+wp8+wpa81)) (== netstandard2.0)
      System.Runtime (>= 4.3) - restriction: || (&& (== net47) (< net45)) (&& (== net47) (< portable-net45+win8+wp8+wpa81)) (== netstandard2.0)
      System.Runtime.Extensions (>= 4.3) - restriction: || (&& (== net47) (< net45)) (&& (== net47) (< portable-net45+win8+wp8+wpa81)) (== netstandard2.0)
      System.Runtime.InteropServices (>= 4.3) - restriction: || (&& (== net47) (< net45)) (&& (== net47) (< portable-net45+win8+wp8+wpa81)) (== netstandard2.0)
      System.Text.Encoding (>= 4.3) - restriction: || (&& (== net47) (< net45)) (&& (== net47) (< portable-net45+win8+wp8+wpa81)) (== netstandard2.0)
      System.Text.Encoding.Extensions (>= 4.3) - restriction: || (&& (== net47) (< net45)) (&& (== net47) (< portable-net45+win8+wp8+wpa81)) (== netstandard2.0)
      System.Text.RegularExpressions (>= 4.3) - restriction: || (&& (== net47) (< net45)) (&& (== net47) (< portable-net45+win8+wp8+wpa81)) (== netstandard2.0)
      System.Threading.Tasks (>= 4.3) - restriction: || (&& (== net47) (< net45)) (&& (== net47) (< portable-net45+win8+wp8+wpa81)) (== netstandard2.0)
      System.Threading.Tasks.Extensions (>= 4.3) - restriction: || (&& (== net47) (< net45)) (&& (== net47) (< portable-net45+win8+wp8+wpa81)) (== netstandard2.0)
    System.Xml.XmlDocument (4.3) - restriction: || (&& (== net47) (< net20) (>= netstandard2.0)) (== netstandard2.0)
      System.Collections (>= 4.3) - restriction: || (&& (== net47) (< net46)) (== netstandard2.0)
      System.Diagnostics.Debug (>= 4.3) - restriction: || (&& (== net47) (< net46)) (== netstandard2.0)
      System.Globalization (>= 4.3) - restriction: || (&& (== net47) (< net46)) (== netstandard2.0)
      System.IO (>= 4.3) - restriction: || (&& (== net47) (< net46)) (== netstandard2.0)
      System.Resources.ResourceManager (>= 4.3) - restriction: || (&& (== net47) (< net46)) (== netstandard2.0)
      System.Runtime (>= 4.3) - restriction: || (&& (== net47) (< net46)) (== netstandard2.0)
      System.Runtime.Extensions (>= 4.3) - restriction: || (&& (== net47) (< net46)) (== netstandard2.0)
      System.Text.Encoding (>= 4.3) - restriction: || (&& (== net47) (< net46)) (== netstandard2.0)
      System.Threading (>= 4.3) - restriction: || (&& (== net47) (< net46)) (== netstandard2.0)
      System.Xml.ReaderWriter (>= 4.3) - restriction: || (&& (== net47) (< net46)) (== netstandard2.0)
    WindowsAzure.Storage (8.7) - restriction: || (&& (== net47) (>= netstandard2.0)) (== netstandard2.0)
      Microsoft.Data.OData (>= 5.8.2)
      NETStandard.Library (>= 1.6) - restriction: || (&& (== net47) (< net45)) (== netstandard2.0)
      Newtonsoft.Json (>= 9.0.1) - restriction: || (&& (== net47) (< net45)) (== netstandard2.0)
      System.Spatial (>= 5.8.2) - restriction: || (&& (== net47) (< net45)) (== netstandard2.0)
GITHUB
  remote: fsharp/FAKE
    modules/Octokit/Octokit.fsx (51a7cae12acc7292db4623ae0e3cc3a2ce6ca1c9)
      Octokit (>= 0.20)